GIT
  remote: https://github.com/GlobalNamesArchitecture/biodiversity.git
  revision: e9dbc57cfa0d70a8145b7d1385df64456fc5457b
  branch: pipe_approach
  specs:
    biodiversity (5.3.3)
      ffi (~> 1.14)

GIT
  remote: https://github.com/LocoDelAssembly/dwc-archive.git
  revision: 86fa4e19cc8522ec0208eb847ad319c88c88f43c
  branch: overhaul
  specs:
    dwc-archive (1.1.4)
      biodiversity (~> 5.3.0)
      nokogiri (~> 1.11)

GIT
  remote: https://github.com/LocoDelAssembly/gpx.git
  revision: f673681cdab574bfea4690d12ef1ee9c4da1f3e0
  branch: ruby3
  specs:
    gpx (1.0.0)
      nokogiri (~> 1.7)
      rake

GIT
  remote: https://github.com/LocoDelAssembly/paperclip.git
  revision: 3840d5a63b1a85fb99bfc7c569d132af12a077a1
  branch: migration-fix
  specs:
    paperclip (6.1.0)
      activemodel (>= 4.2.0)
      activesupport (>= 4.2.0)
      mime-types
      mimemagic (~> 0.3.0)
      terrapin (~> 0.6.0)

GIT
  remote: https://github.com/LocoDelAssembly/serrano.git
  revision: 22e9b215a9bb94247a860f5a22bfad219cda1bc9
  branch: fixes
  specs:
    serrano (1.0.0)
      faraday (~> 1.0)
      faraday_middleware (~> 1.2)
      multi_json (~> 1.15)
      rexml (~> 3.2, >= 3.2.4)
      thor (~> 1.0, >= 1.0.1)

GIT
  remote: https://github.com/LocoDelAssembly/wikidata-client.git
  revision: 482e77b8640e4e0f748aef48518871943c751e8d
  branch: bump-dependencies
  specs:
    wikidata-client (0.0.11)
      excon (~> 0.40)
      faraday (>= 0.9.0, < 2.0)
      faraday_middleware (>= 0.9.0, < 2.0)
      hashie (>= 3.3, < 6.0)

GIT
  remote: https://github.com/mjy/rqrcode.git
  revision: 7dfe8f371ca74099148cb58d3c9054c7e39eb038
  branch: taxonworks
  specs:
    rqrcode (1.2.0)
      chunky_png (~> 1.0)
      rqrcode_core (~> 1.2)

GIT
  remote: https://github.com/mmotherwell/best_in_place
  revision: 88eb3052623a9a6cd346864d2aca05021c2f80d0
  specs:
    best_in_place (3.1.1)
      actionpack (>= 3.2)
      railties (>= 3.2)

GEM
  remote: https://rubygems.org/
  specs:
    Ascii85 (1.1.0)
    actioncable (6.1.5)
      actionpack (= 6.1.5)
      activesupport (= 6.1.5)
      nio4r (~> 2.0)
      websocket-driver (>= 0.6.1)
    actionmailbox (6.1.5)
      actionpack (= 6.1.5)
      activejob (= 6.1.5)
      activerecord (= 6.1.5)
      activestorage (= 6.1.5)
      activesupport (= 6.1.5)
      mail (>= 2.7.1)
    actionmailer (6.1.5)
      actionpack (= 6.1.5)
      actionview (= 6.1.5)
      activejob (= 6.1.5)
      activesupport (= 6.1.5)
      mail (~> 2.5, >= 2.5.4)
      rails-dom-testing (~> 2.0)
    actionpack (6.1.5)
      actionview (= 6.1.5)
      activesupport (= 6.1.5)
      rack (~> 2.0, >= 2.0.9)
      rack-test (>= 0.6.3)
      rails-dom-testing (~> 2.0)
      rails-html-sanitizer (~> 1.0, >= 1.2.0)
    actiontext (6.1.5)
      actionpack (= 6.1.5)
      activerecord (= 6.1.5)
      activestorage (= 6.1.5)
      activesupport (= 6.1.5)
      nokogiri (>= 1.8.5)
    actionview (6.1.5)
      activesupport (= 6.1.5)
      builder (~> 3.1)
      erubi (~> 1.4)
      rails-dom-testing (~> 2.0)
      rails-html-sanitizer (~> 1.1, >= 1.2.0)
    activejob (6.1.5)
      activesupport (= 6.1.5)
      globalid (>= 0.3.6)
    activemodel (6.1.5)
      activesupport (= 6.1.5)
    activerecord (6.1.5)
      activemodel (= 6.1.5)
      activesupport (= 6.1.5)
    activerecord-postgis-adapter (7.1.1)
      activerecord (~> 6.1)
      rgeo-activerecord (~> 7.0.0)
    activestorage (6.1.5)
      actionpack (= 6.1.5)
      activejob (= 6.1.5)
      activerecord (= 6.1.5)
      activesupport (= 6.1.5)
      marcel (~> 1.0)
      mini_mime (>= 1.1.0)
    activesupport (6.1.5)
      concurrent-ruby (~> 1.0, >= 1.0.2)
      i18n (>= 1.6, < 2)
      minitest (>= 5.1)
      tzinfo (~> 2.0)
      zeitwerk (~> 2.3)
    acts_as_list (1.0.4)
      activerecord (>= 4.2)
    addressable (2.8.0)
      public_suffix (>= 2.0.2, < 5.0)
    afm (0.2.2)
    amazing_print (1.4.0)
    ast (2.4.2)
    babel-source (5.8.35)
    babel-transpiler (0.7.0)
      babel-source (>= 4.0, < 6)
      execjs (~> 2.0)
    barby (0.6.8)
    bcrypt (3.1.17)
    better_errors (2.9.1)
      coderay (>= 1.0.0)
      erubi (>= 1.0.0)
      rack (>= 0.9.0)
    bibtex-ruby (6.0.0)
      latex-decode (~> 0.0)
    bindex (0.8.1)
    binding_of_caller (1.0.0)
      debug_inspector (>= 0.0.1)
    brakeman (5.2.1)
    builder (3.2.4)
    byebug (11.1.3)
    capybara (3.36.0)
      addressable
      matrix
      mini_mime (>= 0.1.3)
      nokogiri (~> 1.8)
      rack (>= 1.6.0)
      rack-test (>= 0.6.3)
      regexp_parser (>= 1.5, < 3.0)
      xpath (~> 3.2)
    chartkick (4.1.3)
    childprocess (4.1.0)
    chronic (0.10.2)
    chunky_png (1.4.0)
    citeproc (1.0.10)
      namae (~> 1.0)
    citeproc-ruby (1.1.14)
      citeproc (~> 1.0, >= 1.0.9)
      csl (~> 1.6)
    climate_control (0.2.0)
    closure_tree (7.4.0)
      activerecord (>= 4.2.10)
      with_advisory_lock (>= 4.0.0)
    codecov (0.6.0)
      simplecov (>= 0.15, < 0.22)
    coderay (1.1.3)
    concurrent-ruby (1.1.10)
    crack (0.4.5)
      rexml
    crass (1.0.6)
    csl (1.6.0)
      namae (~> 1.0)
      rexml
    csl-styles (1.0.1.11)
      csl (~> 1.0)
    daemons (1.4.1)
    database_cleaner (2.0.1)
      database_cleaner-active_record (~> 2.0.0)
    database_cleaner-active_record (2.0.1)
      activerecord (>= 5.a)
      database_cleaner-core (~> 2.0.0)
    database_cleaner-core (2.0.1)
    debug_inspector (1.1.0)
    delayed_job (4.1.10)
      activesupport (>= 3.0, < 8.0)
    delayed_job_active_record (4.1.7)
      activerecord (>= 3.0, < 8.0)
      delayed_job (>= 3.0, < 5)
    diff-lcs (1.5.0)
    digest (3.1.0)
    docile (1.4.0)
    domain_name (0.5.20190701)
      unf (>= 0.0.5, < 1.0.0)
    dropzonejs-rails (0.8.5)
      rails (> 3.1)
    dwc_agent (3.0.0.9)
      namae (~> 1)
      namecase (~> 2)
    erubi (1.10.0)
    exception_notification (4.5.0)
      actionmailer (>= 5.2, < 8)
      activesupport (>= 5.2, < 8)
    excon (0.92.1)
    execjs (2.8.1)
    factory_bot (6.2.1)
      activesupport (>= 5.0.0)
    factory_bot_rails (6.2.0)
      factory_bot (~> 6.2.0)
      railties (>= 5.0.0)
    faker (2.20.0)
      i18n (>= 1.8.11, < 2)
    faraday (1.10.0)
      faraday-em_http (~> 1.0)
      faraday-em_synchrony (~> 1.0)
      faraday-excon (~> 1.1)
      faraday-httpclient (~> 1.0)
      faraday-multipart (~> 1.0)
      faraday-net_http (~> 1.0)
      faraday-net_http_persistent (~> 1.0)
      faraday-patron (~> 1.0)
      faraday-rack (~> 1.0)
      faraday-retry (~> 1.0)
      ruby2_keywords (>= 0.0.4)
    faraday-em_http (1.0.0)
    faraday-em_synchrony (1.0.0)
    faraday-excon (1.1.0)
    faraday-httpclient (1.0.1)
    faraday-multipart (1.0.3)
      multipart-post (>= 1.2, < 3)
    faraday-net_http (1.0.1)
    faraday-net_http_persistent (1.2.0)
    faraday-patron (1.0.0)
    faraday-rack (1.0.0)
    faraday-retry (1.0.3)
    faraday_middleware (1.2.0)
      faraday (~> 1.0)
    ffi (1.15.5)
    ffi-geos (2.2.0)
      ffi (>= 1.0.0)
    formatador (1.1.0)
    globalid (1.0.0)
      activesupport (>= 5.0)
    gnfinder (0.18.0)
      rest-client (~> 2.1)
    groupdate (5.2.4)
      activesupport (>= 5)
    guard (2.18.0)
      formatador (>= 0.2.4)
      listen (>= 2.7, < 4.0)
      lumberjack (>= 1.0.12, < 2.0)
      nenv (~> 0.1)
      notiffany (~> 0.0)
      pry (>= 0.13.0)
      shellany (~> 0.0)
      thor (>= 0.18.1)
    guard-compat (1.2.1)
    guard-rspec (4.7.3)
      guard (~> 2.1)
      guard-compat (~> 1.1)
      rspec (>= 2.99.0, < 4.0)
    hashdiff (1.0.1)
    hashery (2.1.2)
    hashie (5.0.0)
    hiredis (0.6.3)
    http-accept (1.7.0)
    http-cookie (1.0.4)
      domain_name (~> 0.5)
    i18n (1.10.0)
      concurrent-ruby (~> 1.0)
    indefinite_article (0.2.4)
      activesupport
    io-wait (0.2.1)
    jbuilder (2.11.5)
      actionview (>= 5.0.0)
      activesupport (>= 5.0.0)
    jquery-rails (4.4.0)
      rails-dom-testing (>= 1, < 3)
      railties (>= 4.2.0)
      thor (>= 0.14, < 2.0)
    jquery-turbolinks (2.1.0)
      railties (>= 3.1.0)
      turbolinks
    jquery-ui-rails (6.0.1)
      railties (>= 3.2.16)
    kaminari (1.2.2)
      activesupport (>= 4.1.0)
      kaminari-actionview (= 1.2.2)
      kaminari-activerecord (= 1.2.2)
      kaminari-core (= 1.2.2)
    kaminari-actionview (1.2.2)
      actionview
      kaminari-core (= 1.2.2)
    kaminari-activerecord (1.2.2)
      activerecord
      kaminari-core (= 1.2.2)
    kaminari-core (1.2.2)
    latex-decode (0.3.2)
    link_header (0.0.8)
    listen (3.7.1)
      rb-fsevent (~> 0.10, >= 0.10.3)
      rb-inotify (~> 0.9, >= 0.9.10)
    logic_tools (0.3.9)
      parslet
    logical_query_parser (0.3.2)
      treetop (~> 1.6.8)
    loofah (2.15.0)
      crass (~> 1.0.2)
      nokogiri (>= 1.5.9)
    lumberjack (1.2.8)
    mail (2.7.1)
      mini_mime (>= 0.1.1)
    marcel (1.0.2)
    matrix (0.4.2)
    method_source (1.0.0)
    mime-types (3.4.1)
      mime-types-data (~> 3.2015)
    mime-types-data (3.2022.0105)
    mimemagic (0.3.10)
      nokogiri (~> 1)
      rake
    mini_mime (1.1.2)
    mini_portile2 (2.8.0)
    minitest (5.15.0)
    modularity (3.0.1)
    multi_json (1.15.0)
    multipart-post (2.1.1)
    namae (1.1.1)
    namecase (2.0.0)
    nenv (0.3.0)
    net-protocol (0.1.2)
      io-wait
      timeout
    net-smtp (0.3.1)
      digest
      net-protocol
      timeout
    netrc (0.11.0)
    nio4r (2.5.8)
    nokogiri (1.13.3)
      mini_portile2 (~> 2.8.0)
      racc (~> 1.4)
    notiffany (0.1.3)
      nenv (~> 0.1)
      shellany (~> 0.0)
    os (1.1.4)
    paper_trail (12.3.0)
      activerecord (>= 5.2)
      request_store (~> 1.1)
    paperclip-meta (3.1.0)
      paperclip (>= 5.0)
    parallel (1.22.0)
    parallel_tests (3.7.3)
      parallel
    parser (3.1.1.0)
      ast (~> 2.4.1)
    parslet (2.0.0)
    passenger (6.0.12)
      rack
      rake (>= 0.8.1)
    pdf-core (0.9.0)
    pdf-reader (2.9.2)
      Ascii85 (~> 1.0)
      afm (~> 0.2.1)
      hashery (~> 2.0)
      ruby-rc4
      ttfunk
    pg (1.3.4)
    polyglot (0.3.5)
    postgresql_cursor (0.6.4)
      activerecord (>= 3.1.0)
    prawn (2.4.0)
      pdf-core (~> 0.9.0)
      ttfunk (~> 1.7)
    pry (0.14.1)
      coderay (~> 1.1)
      method_source (~> 1.0)
    psych (3.3.2)
    public_suffix (4.0.6)
    puma (5.6.4)
      nio4r (~> 2.0)
    racc (1.6.0)
    rack (2.2.3)
    rack-cors (1.1.1)
      rack (>= 2.0.0)
    rack-proxy (0.7.2)
      rack
    rack-test (1.1.0)
      rack (>= 1.0, < 3)
    rails (6.1.5)
      actioncable (= 6.1.5)
      actionmailbox (= 6.1.5)
      actionmailer (= 6.1.5)
      actionpack (= 6.1.5)
      actiontext (= 6.1.5)
      actionview (= 6.1.5)
      activejob (= 6.1.5)
      activemodel (= 6.1.5)
      activerecord (= 6.1.5)
      activestorage (= 6.1.5)
      activesupport (= 6.1.5)
      bundler (>= 1.15.0)
      railties (= 6.1.5)
      sprockets-rails (>= 2.0.0)
    rails-controller-testing (1.0.5)
      actionpack (>= 5.0.1.rc1)
      actionview (>= 5.0.1.rc1)
      activesupport (>= 5.0.1.rc1)
    rails-dom-testing (2.0.3)
      activesupport (>= 4.2.0)
      nokogiri (>= 1.6)
    rails-html-sanitizer (1.4.2)
      loofah (~> 2.3)
    rails-jquery-autocomplete (1.0.5)
      rails (>= 3.2)
    rails_or (1.1.9)
      activerecord (>= 3)
    railties (6.1.5)
      actionpack (= 6.1.5)
      activesupport (= 6.1.5)
      method_source
      rake (>= 12.2)
      thor (~> 1.0)
    rainbow (3.0.0)
    rake (13.0.6)
    rb-fsevent (0.11.1)
    rb-inotify (0.10.1)
      ffi (~> 1.0)
    rdf (3.2.6)
      link_header (~> 0.0, >= 0.0.8)
    rdoc (6.3.3)
    redcarpet (3.5.1)
    redis (4.6.0)
    regexp_parser (2.2.1)
    request_store (1.5.1)
      rack (>= 1.4)
    require_all (3.0.0)
    responders (3.0.1)
      actionpack (>= 5.0)
      railties (>= 5.0)
    rest-client (2.1.0)
      http-accept (>= 1.7.0, < 2.0)
      http-cookie (>= 1.0.2, < 2.0)
      mime-types (>= 1.16, < 4.0)
      netrc (~> 0.8)
    rexml (3.2.5)
    rgb (0.1.0)
    rgeo (2.4.0)
    rgeo-activerecord (7.0.1)
      activerecord (>= 5.0)
      rgeo (>= 1.0.0)
    rgeo-geojson (2.1.1)
      rgeo (>= 1.0.0)
    rgeo-proj4 (3.1.1)
      rgeo (~> 2.0)
    rmagick (4.2.4)
    roo (2.9.0)
      nokogiri (~> 1)
      rubyzip (>= 1.3.0, < 3.0.0)
    roo-xls (1.2.0)
      nokogiri
      roo (>= 2.0.0, < 3)
      spreadsheet (> 0.9.0)
    rqrcode_core (1.2.0)
    rspec (3.11.0)
      rspec-core (~> 3.11.0)
      rspec-expectations (~> 3.11.0)
      rspec-mocks (~> 3.11.0)
    rspec-activemodel-mocks (1.1.0)
      activemodel (>= 3.0)
      activesupport (>= 3.0)
      rspec-mocks (>= 2.99, < 4.0)
    rspec-core (3.11.0)
      rspec-support (~> 3.11.0)
    rspec-expectations (3.11.0)
      diff-lcs (>= 1.2.0, < 2.0)
      rspec-support (~> 3.11.0)
    rspec-mocks (3.11.0)
      diff-lcs (>= 1.2.0, < 2.0)
      rspec-support (~> 3.11.0)
    rspec-rails (5.1.1)
      actionpack (>= 5.2)
      activesupport (>= 5.2)
      railties (>= 5.2)
      rspec-core (~> 3.10)
      rspec-expectations (~> 3.10)
      rspec-mocks (~> 3.10)
      rspec-support (~> 3.10)
    rspec-support (3.11.0)
    rtesseract (3.1.2)
    rubocop (1.26.1)
      parallel (~> 1.10)
      parser (>= 3.1.0.0)
      rainbow (>= 2.2.2, < 4.0)
      regexp_parser (>= 1.8, < 3.0)
      rexml
      rubocop-ast (>= 1.16.0, < 2.0)
      ruby-progressbar (~> 1.7)
      unicode-display_width (>= 1.4.0, < 3.0)
    rubocop-ast (1.16.0)
      parser (>= 3.1.1.0)
    rubocop-faker (1.1.0)
      faker (>= 2.12.0)
      rubocop (>= 0.82.0)
    rubocop-performance (1.13.3)
      rubocop (>= 1.7.0, < 2.0)
      rubocop-ast (>= 0.4.0)
    rubocop-rails (2.14.2)
      activesupport (>= 4.2.0)
      rack (>= 1.1)
      rubocop (>= 1.7.0, < 2.0)
    rubocop-rspec (2.9.0)
      rubocop (~> 1.19)
    ruby-graphviz (1.2.5)
      rexml
    ruby-ole (1.2.12.2)
    ruby-prof (1.4.3)
    ruby-progressbar (1.11.0)
    ruby-rc4 (0.1.5)
    ruby-units (2.3.2)
    ruby2_keywords (0.0.5)
    rubyzip (2.3.2)
    sassc (2.4.0)
      ffi (~> 1.9)
    sassc-rails (2.1.2)
      railties (>= 4.0.0)
      sassc (>= 2.0)
      sprockets (> 3.0)
      sprockets-rails
      tilt
    sdoc (2.2.0)
      rdoc (>= 5.0)
    seedbank (0.5.0)
      rake (>= 10.0)
    selenium-webdriver (4.1.0)
      childprocess (>= 0.5, < 5.0)
      rexml (~> 3.2, >= 3.2.5)
      rubyzip (>= 1.2.2)
    semantic_range (3.0.0)
    shellany (0.0.1)
    shortener (0.8.2)
      voight_kampff (~> 1.1.2)
    simplecov (0.21.2)
      docile (~> 1.1)
      simplecov-html (~> 0.11)
      simplecov_json_formatter (~> 0.1)
    simplecov-html (0.12.3)
    simplecov_json_formatter (0.1.4)
    spreadsheet (1.3.0)
      ruby-ole
    spring (4.0.0)
    spring-commands-rspec (1.0.4)
      spring (>= 0.9.1)
    sprockets (3.7.2)
      concurrent-ruby (~> 1.0)
      rack (> 1, < 3)
    sprockets-es6 (0.9.2)
      babel-source (>= 5.8.11)
      babel-transpiler
      sprockets (>= 3.0.0)
    sprockets-rails (3.2.2)
      actionpack (>= 4.0)
      activesupport (>= 4.0)
      sprockets (>= 3.0.0)
    sqed (0.6.0)
      rake (~> 13.0)
      rmagick (~> 4.1)
      rtesseract (~> 3.1)
    sync (0.5.0)
    taxonifi (0.6.0)
      require_all (~> 3.0)
    term-ansicolor (1.7.1)
      tins (~> 1.0)
    terrapin (0.6.0)
      climate_control (>= 0.0.3, < 1.0)
    thor (1.1.0)
    tilt (2.0.10)
    timecop (0.9.5)
    timeliness (0.4.4)
    timeout (0.2.0)
    tins (1.31.0)
      sync
    treetop (1.6.11)
      polyglot (~> 0.3)
    ttfunk (1.7.0)
    turbolinks (5.2.1)
      turbolinks-source (~> 5.2)
    turbolinks-source (5.2.0)
    tzinfo (2.0.4)
      concurrent-ruby (~> 1.0)
    tzinfo-data (1.2022.1)
      tzinfo (>= 1.0.0)
    uglifier (4.2.0)
      execjs (>= 0.3.0, < 3)
    unf (0.1.4)
      unf_ext
    unf_ext (0.0.8.1)
    unicode-display_width (2.1.0)
    validates_timeliness (4.1.1)
      timeliness (>= 0.3.10, < 1)
    vcr (6.1.0)
    voight_kampff (1.1.4)
      rack (>= 1.4, < 3.0)
    waxy (0.1.0)
      tilt (~> 2.0.9)
    web-console (4.2.0)
      actionview (>= 6.0.0)
      activemodel (>= 6.0.0)
      bindex (>= 0.4.0)
      railties (>= 6.0.0)
    webdrivers (5.0.0)
      nokogiri (~> 1.6)
      rubyzip (>= 1.3.0)
      selenium-webdriver (~> 4.0)
    webmock (3.14.0)
      addressable (>= 2.8.0)
      crack (>= 0.3.2)
      hashdiff (>= 0.4.0, < 2.0.0)
    webpacker (5.4.3)
      activesupport (>= 5.2)
      rack-proxy (>= 0.6.1)
      railties (>= 5.2)
      semantic_range (>= 2.3.0)
    websocket-driver (0.7.5)
      websocket-extensions (>= 0.1.0)
    websocket-extensions (0.1.5)
    with_advisory_lock (4.6.0)
      activerecord (>= 4.2)
    xpath (3.2.0)
      nokogiri (~> 1.8)
    zaru (0.3.0)
    zeitwerk (2.5.4)
    zip_tricks (5.6.0)

PLATFORMS
  ruby

DEPENDENCIES
  activerecord-postgis-adapter (~> 7.0)
  acts_as_list (~> 1.0)
  amazing_print (~> 1.4.0)
  barby (~> 0.6.8)
  bcrypt (~> 3.1.11)
  best_in_place!
  better_errors (~> 2.9)
  bibtex-ruby (~> 6.0)
  binding_of_caller
  biodiversity!
  brakeman (~> 5.1, >= 4.6.1)
  bundler (~> 2.0)
  byebug (~> 11.1)
  capybara (~> 3.18)
  chartkick (~> 4.0)
  chronic (~> 0.10.2)
  chunky_png (~> 1.4.0)
  citeproc-ruby (~> 1.1.10)
  closure_tree (~> 7.0)
  codecov (~> 0.6.0)
  csl (~> 1.6.0)
  csl-styles (~> 1.0.1.8)
  daemons (~> 1.4.1)
  database_cleaner (~> 2.0)
  delayed_job_active_record (~> 4.1.3)
  dropzonejs-rails (~> 0.8.1)
  dwc-archive!
  dwc_agent (~> 3.0)
  exception_notification (~> 4.4)
  execjs (~> 2.8.1)
  factory_bot_rails (~> 6.2)
  faker (~> 2.10)
  ffi-geos (~> 2.2.0)
  gnfinder (~> 0.16)
  gpx!
  groupdate (~> 5.2)
  guard-rspec (~> 4.7.3)
  hiredis (~> 0.6.1)
  indefinite_article (~> 0.2.4)
  jbuilder (~> 2.7)
  jquery-rails (~> 4.4)
  jquery-turbolinks (~> 2.1)
  jquery-ui-rails (~> 6.0.1)
  kaminari (~> 1.2.0)
  logic_tools
  logical_query_parser
  modularity (~> 3.0.0)
  namecase (~> 2.0)
  net-smtp (~> 0.3.1)
  os (~> 1.0, >= 1.0.1)
  paper_trail (~> 12.0)
  paperclip!
  paperclip-meta (~> 3.0)
  parallel_tests
  passenger (~> 6.0.2)
  pdf-reader (~> 2.2)
  pg (~> 1.1)
  postgresql_cursor (~> 0.6.1)
  prawn (~> 2.4.0)
  psych (~> 3.3)
  puma (~> 5.6)
  rack-cors (~> 1.1)
  rails (~> 6.1)
  rails-controller-testing (~> 1.0.2)
  rails-jquery-autocomplete (~> 1.0.3)
  rails_or (~> 1.1.8)
  rainbow (~> 3.0.0)
  rake (~> 13.0)
  rdf (~> 3.0)
  redcarpet (~> 3.4)
  redis (~> 4.5)
  responders (~> 3.0)
  rgb (~> 0.1)
  rgeo (~> 2.2)
  rgeo-geojson (~> 2.1, >= 2.1.1)
  rgeo-proj4 (~> 3.0, >= 3.0.1)
  rmagick (~> 4.2, >= 4.2.2)
  roo (~> 2.8, >= 2.8.3)
  roo-xls (~> 1.2)
  rqrcode!
  rspec (~> 3.6)
  rspec-activemodel-mocks (~> 1.1.0)
  rspec-rails (~> 5.0)
  rubocop (~> 1.20)
  rubocop-faker (~> 1.1)
  rubocop-performance (~> 1.10)
  rubocop-rails (~> 2.4)
  rubocop-rspec (~> 2.6)
  ruby-graphviz (~> 1.2.5)
  ruby-prof (~> 1.2)
  ruby-units (~> 2.3.0)
  rubyzip (~> 2.3.0)
  sassc-rails (~> 2.1.0)
  sdoc (~> 2.2.0)
  seedbank (~> 0.5.0)
  serrano!
  shortener (~> 0.8.0)
  simplecov
  spring-commands-rspec (~> 1.0.4)
  sprockets (~> 3.7.2)
  sprockets-es6 (~> 0.9.2)
  sprockets-rails (~> 3.2.0)
  sqed (= 0.6.0)
  taxonifi (~> 0.6.0)
  term-ansicolor (~> 1.6)
  thor (~> 1.1.0)
  timecop (~> 0.9.1)
  turbolinks (~> 5.2.0)
  tzinfo-data (~> 1.2019)
  uglifier (~> 4.2)
  validates_timeliness (~> 4.1, >= 4.1.1)
  vcr (~> 6.0)
  waxy (~> 0.1)
  web-console (~> 4.0, >= 4.0.1)
  webdrivers (~> 5.0)
  webmock (~> 3.8)
  webpacker (~> 5.2, >= 5.2.1)
  wikidata-client!
  zaru (~> 0.3.0)
  zip_tricks (~> 5.6)

RUBY VERSION
   ruby 3.0.1p64

BUNDLED WITH
   2.2.22
