GIT
  remote: https://github.com/GlobalNamesArchitecture/biodiversity.git
  revision: ee65f45dd562c6087c0b97ec478e7e583b0bd8ed
  branch: pipe_approach
  specs:
    biodiversity (5.3.2)
      ffi (~> 1.14)

GIT
  remote: https://github.com/mjy/rqrcode.git
  revision: 4b6875fb192d90f565ed51c8a48441febe1a9ed2
  branch: taxonworks
  specs:
    rqrcode (1.2.0)
      chunky_png (~> 1.0)
      rqrcode_core (~> 0.2)

GEM
  remote: https://rubygems.org/
  specs:
    Ascii85 (1.1.0)
    actioncable (6.0.4)
      actionpack (= 6.0.4)
      nio4r (~> 2.0)
      websocket-driver (>= 0.6.1)
    actionmailbox (6.0.4)
      actionpack (= 6.0.4)
      activejob (= 6.0.4)
      activerecord (= 6.0.4)
      activestorage (= 6.0.4)
      activesupport (= 6.0.4)
      mail (>= 2.7.1)
    actionmailer (6.0.4)
      actionpack (= 6.0.4)
      actionview (= 6.0.4)
      activejob (= 6.0.4)
      mail (~> 2.5, >= 2.5.4)
      rails-dom-testing (~> 2.0)
    actionpack (6.0.4)
      actionview (= 6.0.4)
      activesupport (= 6.0.4)
      rack (~> 2.0, >= 2.0.8)
      rack-test (>= 0.6.3)
      rails-dom-testing (~> 2.0)
      rails-html-sanitizer (~> 1.0, >= 1.2.0)
    actiontext (6.0.4)
      actionpack (= 6.0.4)
      activerecord (= 6.0.4)
      activestorage (= 6.0.4)
      activesupport (= 6.0.4)
      nokogiri (>= 1.8.5)
    actionview (6.0.4)
      activesupport (= 6.0.4)
      builder (~> 3.1)
      erubi (~> 1.4)
      rails-dom-testing (~> 2.0)
      rails-html-sanitizer (~> 1.1, >= 1.2.0)
    activejob (6.0.4)
      activesupport (= 6.0.4)
      globalid (>= 0.3.6)
    activemodel (6.0.4)
      activesupport (= 6.0.4)
    activerecord (6.0.4)
      activemodel (= 6.0.4)
      activesupport (= 6.0.4)
    activerecord-postgis-adapter (6.0.2)
      activerecord (~> 6.0.0)
      rgeo-activerecord (~> 6.0)
    activestorage (6.0.4)
      actionpack (= 6.0.4)
      activejob (= 6.0.4)
      activerecord (= 6.0.4)
      marcel (~> 1.0.0)
    activesupport (6.0.4)
      concurrent-ruby (~> 1.0, >= 1.0.2)
      i18n (>= 0.7, < 2)
      minitest (~> 5.1)
      tzinfo (~> 1.1)
      zeitwerk (~> 2.2, >= 2.2.2)
    acts_as_list (1.0.4)
      activerecord (>= 4.2)
    addressable (2.8.0)
      public_suffix (>= 2.0.2, < 5.0)
    afm (0.2.2)
    amazing_print (1.2.2)
    ast (2.4.2)
    babel-source (5.8.35)
    babel-transpiler (0.7.0)
      babel-source (>= 4.0, < 6)
      execjs (~> 2.0)
    barby (0.6.8)
    bcrypt (3.1.16)
    best_in_place (3.1.1)
      actionpack (>= 3.2)
      railties (>= 3.2)
    better_errors (2.9.1)
      coderay (>= 1.0.0)
      erubi (>= 1.0.0)
      rack (>= 0.9.0)
    bibtex-ruby (5.1.6)
      latex-decode (~> 0.0)
    bindex (0.8.1)
    binding_of_caller (1.0.0)
      debug_inspector (>= 0.0.1)
    brakeman (4.10.1)
    builder (3.2.4)
    byebug (11.1.3)
    capybara (3.35.3)
      addressable
      mini_mime (>= 0.1.3)
      nokogiri (~> 1.8)
      rack (>= 1.6.0)
      rack-test (>= 0.6.3)
      regexp_parser (>= 1.5, < 3.0)
      xpath (~> 3.2)
    chartkick (3.4.2)
    childprocess (3.0.0)
    chronic (0.10.2)
    chunky_png (1.3.15)
    citeproc (1.0.10)
      namae (~> 1.0)
    citeproc-ruby (1.1.13)
      citeproc (~> 1.0, >= 1.0.9)
      csl (~> 1.5)
    climate_control (0.2.0)
    closure_tree (7.3.0)
      activerecord (>= 4.2.10)
      with_advisory_lock (>= 4.0.0)
    codecov (0.5.2)
      simplecov (>= 0.15, < 0.22)
    coderay (1.1.3)
    concurrent-ruby (1.1.9)
    crack (0.4.5)
      rexml
    crass (1.0.6)
    csl (1.5.2)
      namae (~> 1.0)
    csl-styles (1.0.1.11)
      csl (~> 1.0)
    daemons (1.3.1)
    database_cleaner (1.99.0)
    debug_inspector (1.1.0)
    delayed_job (4.1.9)
      activesupport (>= 3.0, < 6.2)
    delayed_job_active_record (4.1.6)
      activerecord (>= 3.0, < 6.2)
      delayed_job (>= 3.0, < 5)
    diff-lcs (1.4.4)
    docile (1.4.0)
    dropzonejs-rails (0.8.5)
      rails (> 3.1)
    dwc-archive (1.1.2)
      biodiversity (~> 5)
      nokogiri (~> 1.11)
    erubi (1.10.0)
    exception_notification (4.4.3)
      actionmailer (>= 4.0, < 7)
      activesupport (>= 4.0, < 7)
    excon (0.85.0)
    execjs (2.7.0)
    factory_bot (5.2.0)
      activesupport (>= 4.2.0)
    factory_bot_rails (5.2.0)
      factory_bot (~> 5.2.0)
      railties (>= 4.2.0)
    faker (2.18.0)
      i18n (>= 1.6, < 2)
    faraday (0.17.4)
      multipart-post (>= 1.2, < 3)
    faraday_middleware (0.14.0)
      faraday (>= 0.7.4, < 1.0)
    ffi (1.15.3)
    ffi-geos (2.1.0)
      ffi (>= 1.0.0)
    formatador (0.3.0)
    globalid (0.5.2)
      activesupport (>= 5.0)
    gnfinder (0.11.0)
      grpc (~> 1.28)
      grpc-tools (~> 1.28)
    google-protobuf (3.17.3)
    googleapis-common-protos-types (1.1.0)
      google-protobuf (~> 3.14)
    gpx (1.0.0)
      nokogiri (~> 1.7)
      rake
    groupdate (4.3.0)
      activesupport (>= 5)
    grpc (1.38.0)
      google-protobuf (~> 3.15)
      googleapis-common-protos-types (~> 1.0)
    grpc-tools (1.38.0)
    guard (2.18.0)
      formatador (>= 0.2.4)
      listen (>= 2.7, < 4.0)
      lumberjack (>= 1.0.12, < 2.0)
      nenv (~> 0.1)
      notiffany (~> 0.0)
      pry (>= 0.13.0)
      shellany (~> 0.0)
      thor (>= 0.18.1)
    guard-compat (1.2.1)
    guard-rspec (4.7.3)
      guard (~> 2.1)
      guard-compat (~> 1.1)
      rspec (>= 2.99.0, < 4.0)
    hamster (3.0.0)
      concurrent-ruby (~> 1.0)
    hashdiff (1.0.1)
    hashery (2.1.2)
    hashie (3.6.0)
    hiredis (0.6.3)
    i18n (1.8.10)
      concurrent-ruby (~> 1.0)
    indefinite_article (0.2.4)
      activesupport
    jbuilder (2.11.2)
      activesupport (>= 5.0.0)
    jquery-rails (4.3.5)
      rails-dom-testing (>= 1, < 3)
      railties (>= 4.2.0)
      thor (>= 0.14, < 2.0)
    jquery-turbolinks (2.1.0)
      railties (>= 3.1.0)
      turbolinks
    jquery-ui-rails (6.0.1)
      railties (>= 3.2.16)
    kaminari (1.2.1)
      activesupport (>= 4.1.0)
      kaminari-actionview (= 1.2.1)
      kaminari-activerecord (= 1.2.1)
      kaminari-core (= 1.2.1)
    kaminari-actionview (1.2.1)
      actionview
      kaminari-core (= 1.2.1)
    kaminari-activerecord (1.2.1)
      activerecord
      kaminari-core (= 1.2.1)
    kaminari-core (1.2.1)
    latex-decode (0.3.2)
    link_header (0.0.8)
    listen (3.6.0)
      rb-fsevent (~> 0.10, >= 0.10.3)
      rb-inotify (~> 0.9, >= 0.9.10)
    logic_tools (0.3.9)
      parslet
    logical_query_parser (0.3.2)
      treetop (~> 1.6.8)
    loofah (2.11.0)
      crass (~> 1.0.2)
      nokogiri (>= 1.5.9)
    lumberjack (1.2.8)
    mail (2.7.1)
      mini_mime (>= 0.1.1)
    marcel (1.0.1)
    method_source (1.0.0)
    mime-types (3.3.1)
      mime-types-data (~> 3.2015)
    mime-types-data (3.2021.0704)
    mimemagic (0.3.10)
      nokogiri (~> 1)
      rake
    mini_mime (1.1.0)
    mini_portile2 (2.6.1)
    minitest (5.14.4)
    modularity (2.0.1)
    multi_json (1.15.0)
    multipart-post (2.1.1)
    namae (1.1.1)
    namecase (2.0.0)
    nenv (0.3.0)
    nio4r (2.5.8)
    nokogiri (1.12.3)
      mini_portile2 (~> 2.6.1)
      racc (~> 1.4)
    notiffany (0.1.3)
      nenv (~> 0.1)
      shellany (~> 0.0)
    os (1.1.1)
    paper_trail (10.3.1)
      activerecord (>= 4.2)
      request_store (~> 1.1)
    paperclip (6.1.0)
      activemodel (>= 4.2.0)
      activesupport (>= 4.2.0)
      mime-types
      mimemagic (~> 0.3.0)
      terrapin (~> 0.6.0)
    paperclip-meta (3.1.0)
      paperclip (>= 5.0)
    parallel (1.20.1)
    parallel_tests (3.7.0)
      parallel
    parser (3.0.2.0)
      ast (~> 2.4.1)
    parslet (2.0.0)
    passenger (6.0.10)
      rack
      rake (>= 0.8.1)
    pdf-core (0.7.0)
    pdf-reader (2.5.0)
      Ascii85 (~> 1.0)
      afm (~> 0.2.1)
      hashery (~> 2.0)
      ruby-rc4
      ttfunk
    pg (1.2.3)
    polyglot (0.3.5)
    postgresql_cursor (0.6.4)
      activerecord (>= 3.1.0)
    prawn (2.2.2)
      pdf-core (~> 0.7.0)
      ttfunk (~> 1.5)
    pry (0.14.1)
      coderay (~> 1.1)
      method_source (~> 1.0)
    psych (3.1.0)
    public_suffix (4.0.6)
    racc (1.5.2)
    rack (2.2.3)
    rack-cors (1.1.1)
      rack (>= 2.0.0)
    rack-proxy (0.7.0)
      rack
    rack-test (1.1.0)
      rack (>= 1.0, < 3)
    rails (6.0.4)
      actioncable (= 6.0.4)
      actionmailbox (= 6.0.4)
      actionmailer (= 6.0.4)
      actionpack (= 6.0.4)
      actiontext (= 6.0.4)
      actionview (= 6.0.4)
      activejob (= 6.0.4)
      activemodel (= 6.0.4)
      activerecord (= 6.0.4)
      activestorage (= 6.0.4)
      activesupport (= 6.0.4)
      bundler (>= 1.3.0)
      railties (= 6.0.4)
      sprockets-rails (>= 2.0.0)
    rails-controller-testing (1.0.5)
      actionpack (>= 5.0.1.rc1)
      actionview (>= 5.0.1.rc1)
      activesupport (>= 5.0.1.rc1)
    rails-dom-testing (2.0.3)
      activesupport (>= 4.2.0)
      nokogiri (>= 1.6)
    rails-html-sanitizer (1.3.0)
      loofah (~> 2.3)
    rails-jquery-autocomplete (1.0.5)
      rails (>= 3.2)
    rails_or (1.1.8)
      activerecord (>= 3)
    railties (6.0.4)
      actionpack (= 6.0.4)
      activesupport (= 6.0.4)
      method_source
      rake (>= 0.8.7)
      thor (>= 0.20.3, < 2.0)
    rainbow (3.0.0)
    rake (13.0.6)
    rb-fsevent (0.11.0)
    rb-inotify (0.10.1)
      ffi (~> 1.0)
    rdf (3.1.15)
      hamster (~> 3.0)
      link_header (~> 0.0, >= 0.0.8)
    rdoc (6.3.2)
    redcarpet (3.5.1)
    redis (4.1.4)
    regexp_parser (2.1.1)
    request_store (1.5.0)
      rack (>= 1.4)
    require_all (3.0.0)
    responders (3.0.1)
      actionpack (>= 5.0)
      railties (>= 5.0)
    rexml (3.2.5)
    rgb (0.1.0)
    rgeo (2.3.0)
    rgeo-activerecord (6.2.2)
      activerecord (>= 5.0)
      rgeo (>= 1.0.0)
    rgeo-geojson (2.1.1)
      rgeo (>= 1.0.0)
    rgeo-proj4 (3.0.1)
      rgeo (~> 2.0)
    rmagick (4.2.2)
    rqrcode_core (0.2.0)
    rspec (3.10.0)
      rspec-core (~> 3.10.0)
      rspec-expectations (~> 3.10.0)
      rspec-mocks (~> 3.10.0)
    rspec-activemodel-mocks (1.1.0)
      activemodel (>= 3.0)
      activesupport (>= 3.0)
      rspec-mocks (>= 2.99, < 4.0)
    rspec-core (3.10.1)
      rspec-support (~> 3.10.0)
    rspec-expectations (3.10.1)
      diff-lcs (>= 1.2.0, < 2.0)
      rspec-support (~> 3.10.0)
    rspec-mocks (3.10.2)
      diff-lcs (>= 1.2.0, < 2.0)
      rspec-support (~> 3.10.0)
    rspec-rails (4.0.2)
      actionpack (>= 4.2)
      activesupport (>= 4.2)
      railties (>= 4.2)
      rspec-core (~> 3.10)
      rspec-expectations (~> 3.10)
      rspec-mocks (~> 3.10)
      rspec-support (~> 3.10)
    rspec-support (3.10.2)
    rtesseract (3.1.2)
    rubocop (0.93.1)
      parallel (~> 1.10)
      parser (>= 2.7.1.5)
      rainbow (>= 2.2.2, < 4.0)
      regexp_parser (>= 1.8)
      rexml
      rubocop-ast (>= 0.6.0)
      ruby-progressbar (~> 1.7)
      unicode-display_width (>= 1.4.0, < 2.0)
    rubocop-ast (1.9.1)
      parser (>= 3.0.1.1)
    rubocop-faker (0.2.0)
      rubocop (>= 0.74)
    rubocop-rails (2.9.1)
      activesupport (>= 4.2.0)
      rack (>= 1.1)
      rubocop (>= 0.90.0, < 2.0)
    rubocop-rspec (1.44.1)
      rubocop (~> 0.87)
      rubocop-ast (>= 0.7.1)
    ruby-prof (1.4.3)
    ruby-progressbar (1.11.0)
    ruby-rc4 (0.1.5)
    ruby-units (2.3.2)
    rubyzip (2.3.2)
    sassc (2.4.0)
      ffi (~> 1.9)
    sassc-rails (2.1.2)
      railties (>= 4.0.0)
      sassc (>= 2.0)
      sprockets (> 3.0)
      sprockets-rails
      tilt
    sdoc (1.1.0)
      rdoc (>= 5.0)
    seedbank (0.5.0)
      rake (>= 10.0)
    selenium-webdriver (3.142.7)
      childprocess (>= 0.5, < 4.0)
      rubyzip (>= 1.2.2)
    semantic_range (3.0.0)
    serrano (0.6.0)
      faraday (>= 0.15, < 1.0)
      faraday_middleware (>= 0.12.2, < 0.15.0)
      multi_json (~> 1.13, >= 1.13.1)
      thor (>= 0.20, < 1.1)
    shellany (0.0.1)
    shortener (0.8.2)
      voight_kampff (~> 1.1.2)
    simplecov (0.21.2)
      docile (~> 1.1)
      simplecov-html (~> 0.11)
      simplecov_json_formatter (~> 0.1)
    simplecov-html (0.12.3)
    simplecov_json_formatter (0.1.3)
    spring (2.1.1)
    spring-commands-rspec (1.0.4)
      spring (>= 0.9.1)
    sprockets (3.7.2)
      concurrent-ruby (~> 1.0)
      rack (> 1, < 3)
    sprockets-es6 (0.9.2)
      babel-source (>= 5.8.11)
      babel-transpiler
      sprockets (>= 3.0.0)
    sprockets-rails (3.2.2)
      actionpack (>= 4.0)
      activesupport (>= 4.0)
      sprockets (>= 3.0.0)
    sqed (0.6.0)
      rake (~> 13.0)
      rmagick (~> 4.1)
      rtesseract (~> 3.1)
    sync (0.5.0)
    taxonifi (0.5.5)
      require_all (~> 3.0)
    term-ansicolor (1.7.1)
      tins (~> 1.0)
    terrapin (0.6.0)
      climate_control (>= 0.0.3, < 1.0)
    thor (0.20.3)
    thread_safe (0.3.6)
    tilt (2.0.10)
    timecop (0.9.4)
    timeliness (0.4.4)
    tins (1.29.1)
      sync
    treetop (1.6.11)
      polyglot (~> 0.3)
    ttfunk (1.7.0)
    turbolinks (5.2.1)
      turbolinks-source (~> 5.2)
    turbolinks-source (5.2.0)
    tzinfo (1.2.9)
      thread_safe (~> 0.1)
    tzinfo-data (1.2021.1)
      tzinfo (>= 1.0.0)
    uglifier (4.2.0)
      execjs (>= 0.3.0, < 3)
    unicode-display_width (1.7.0)
    validates_timeliness (4.1.1)
      timeliness (>= 0.3.10, < 1)
    vcr (5.1.0)
    voight_kampff (1.1.4)
      rack (>= 1.4, < 3.0)
    waxy (0.1.0)
      tilt (~> 2.0.9)
    web-console (4.1.0)
      actionview (>= 6.0.0)
      activemodel (>= 6.0.0)
      bindex (>= 0.4.0)
      railties (>= 6.0.0)
    webdrivers (4.6.0)
      nokogiri (~> 1.6)
      rubyzip (>= 1.3.0)
      selenium-webdriver (>= 3.0, < 4.0)
    webmock (3.14.0)
      addressable (>= 2.8.0)
      crack (>= 0.3.2)
      hashdiff (>= 0.4.0, < 2.0.0)
    webpacker (5.4.0)
      activesupport (>= 5.2)
      rack-proxy (>= 0.6.1)
      railties (>= 5.2)
      semantic_range (>= 2.3.0)
    websocket-driver (0.7.5)
      websocket-extensions (>= 0.1.0)
    websocket-extensions (0.1.5)
    wikidata-client (0.0.12)
      excon (~> 0.40)
      faraday (~> 0.9)
      faraday_middleware (~> 0.9)
      hashie (~> 3.3)
    with_advisory_lock (4.6.0)
      activerecord (>= 4.2)
    xpath (3.2.0)
      nokogiri (~> 1.8)
    zaru (0.3.0)
    zeitwerk (2.4.2)

PLATFORMS
  ruby

DEPENDENCIES
  activerecord-postgis-adapter (~> 6.0)
  acts_as_list (~> 1.0)
  amazing_print (~> 1.2.1)
  barby (~> 0.6.8)
  bcrypt (~> 3.1.11)
  best_in_place (~> 3.1.1)
  better_errors (~> 2.9)
  bibtex-ruby (~> 5.1.1)
  binding_of_caller
  biodiversity!
  brakeman (~> 4.6, >= 4.6.1)
  bundler (~> 2.0)
  byebug (~> 11.1)
  capybara (~> 3.18)
  chartkick (~> 3.4)
  chronic (~> 0.10.2)
  chunky_png (~> 1.3.11)
  citeproc-ruby (~> 1.1.10)
  closure_tree (~> 7.0)
  codecov (~> 0.5.1)
  csl (~> 1.5.0)
  csl-styles (~> 1.0.1.8)
  daemons (~> 1.3.1)
  database_cleaner (~> 1.8)
  delayed_job_active_record (~> 4.1.3)
  dropzonejs-rails (~> 0.8.1)
  dwc-archive (~> 1.1, >= 1.1.2)
  exception_notification (~> 4.4)
  execjs (~> 2.7.0)
  factory_bot_rails (~> 5.1, >= 5.1.1)
  faker (~> 2.10)
  ffi-geos (~> 2.1.0)
  gnfinder (~> 0.11.0)
  gpx (~> 1.0.0)
  groupdate (~> 4.2)
  guard-rspec (~> 4.7.3)
  hiredis (~> 0.6.1)
  indefinite_article (~> 0.2.4)
  jbuilder (~> 2.7)
  jquery-rails (~> 4.3.3)
  jquery-turbolinks (~> 2.1)
  jquery-ui-rails (~> 6.0.1)
  kaminari (~> 1.2.0)
  logic_tools
  logical_query_parser
  modularity (~> 2.0.1)
  namecase (~> 2.0)
  os (~> 1.0, >= 1.0.1)
  paper_trail (~> 10.3, >= 10.3.1)
  paperclip (~> 6.1.0)
  paperclip-meta (~> 3.0)
  parallel_tests
  passenger (~> 6.0.2)
  pdf-reader (~> 2.2)
  pg (~> 1.1)
  postgresql_cursor (~> 0.6.1)
  prawn (~> 2.2.2)
  psych (~> 3.1.0)
  rack-cors (~> 1.1)
  rails (~> 6.0)
  rails-controller-testing (~> 1.0.2)
  rails-jquery-autocomplete (~> 1.0.3)
  rails_or (~> 1.1.8)
  rainbow (~> 3.0.0)
  rake (~> 13.0)
  rdf (~> 3.0)
  redcarpet (~> 3.4)
  redis (~> 4.1.0)
  responders (~> 3.0)
  rgb (~> 0.1)
  rgeo (~> 2.2)
  rgeo-geojson (~> 2.1, >= 2.1.1)
  rgeo-proj4 (~> 3.0, >= 3.0.1)
  rmagick (~> 4.2, >= 4.2.2)
  rqrcode!
  rspec (~> 3.6)
  rspec-activemodel-mocks (~> 1.1.0)
  rspec-rails (~> 4.0.0.beta2)
  rubocop (~> 0.76)
  rubocop-faker (~> 0.2.0)
  rubocop-rails (~> 2.4)
  rubocop-rspec (~> 1.38)
  ruby-prof (~> 1.2)
  ruby-units (~> 2.3.0)
  rubyzip (~> 2.3.0)
  sassc-rails (~> 2.1.0)
  sdoc (~> 1.0)
  seedbank (~> 0.5.0)
  serrano (~> 0.6.0)
  shortener (~> 0.8.0)
  simplecov
  spring-commands-rspec (~> 1.0.4)
  sprockets (~> 3.7.2)
  sprockets-es6 (~> 0.9.2)
  sprockets-rails (~> 3.2.0)
  sqed (= 0.6.0)
  taxonifi (~> 0.5.5)
  term-ansicolor (~> 1.6)
  thor (~> 0.20.3)
  timecop (~> 0.9.1)
  turbolinks (~> 5.2.0)
  tzinfo-data (~> 1.2019)
  uglifier (~> 4.2)
  validates_timeliness (~> 4.1, >= 4.1.1)
  vcr (~> 5.1)
  waxy (~> 0.1)
  web-console (~> 4.0, >= 4.0.1)
  webdrivers (~> 4.5)
  webmock (~> 3.8)
  webpacker (~> 5.2, >= 5.2.1)
  wikidata-client (~> 0.0.12)
  zaru (~> 0.3.0)

RUBY VERSION
   ruby 2.7.1p83

BUNDLED WITH
   2.1.4
