GIT
  remote: https://github.com/GlobalNamesArchitecture/biodiversity.git
  revision: f8d55f8909984d61540ae821b5719f66c1dfd856
  branch: pipe_approach
  specs:
    biodiversity (5.9.1)
      ffi (~> 1.15)

GIT
  remote: https://github.com/LocoDelAssembly/Voight-Kampff.git
  revision: 1316d141c615054e4889aa9876d01d20bdb01332
  specs:
    voight_kampff (1.1.4)
      rack (>= 1.4, < 3.0)

GIT
  remote: https://github.com/LocoDelAssembly/dwc-archive.git
  revision: 8fffe78690b5e988f3a303657e32cf7ddb9f561e
  branch: overhaul
  specs:
    dwc-archive (1.1.4)
      biodiversity (~> 5.3)
      nokogiri (~> 1.11)

GIT
  remote: https://github.com/LocoDelAssembly/gpx.git
  revision: f673681cdab574bfea4690d12ef1ee9c4da1f3e0
  branch: ruby3
  specs:
    gpx (1.0.0)
      nokogiri (~> 1.7)
      rake

GIT
  remote: https://github.com/LocoDelAssembly/paperclip.git
  revision: 3840d5a63b1a85fb99bfc7c569d132af12a077a1
  branch: migration-fix
  specs:
    paperclip (6.1.0)
      activemodel (>= 4.2.0)
      activesupport (>= 4.2.0)
      mime-types
      mimemagic (~> 0.3.0)
      terrapin (~> 0.6.0)

GIT
  remote: https://github.com/LocoDelAssembly/serrano.git
  revision: 6b5ce4abb016b628eae881437caf7d6a4e4de089
  branch: older_thor
  specs:
    serrano (1.4)
      faraday (~> 2.2)
      faraday-follow_redirects (>= 0.1, < 0.4)
      multi_json (~> 1.15)
      rexml (~> 3.2, >= 3.2.5)
      thor (~> 1.2.0, >= 1.2.0)

GIT
  remote: https://github.com/jquery-ui-rails/jquery-ui-rails.git
  revision: c7460b447589eb04aa948ecaf0d1245c88f6ff45
  specs:
    jquery-ui-rails (7.0.0)
      railties (>= 3.2.16)

GIT
  remote: https://github.com/mjy/rqrcode.git
  revision: 7dfe8f371ca74099148cb58d3c9054c7e39eb038
  branch: taxonworks
  specs:
    rqrcode (1.2.0)
      chunky_png (~> 1.0)
      rqrcode_core (~> 1.2)

GIT
  remote: https://github.com/mmotherwell/best_in_place
  revision: 88eb3052623a9a6cd346864d2aca05021c2f80d0
  specs:
    best_in_place (3.1.1)
      actionpack (>= 3.2)
      railties (>= 3.2)

GEM
  remote: https://rubygems.org/
  specs:
    Ascii85 (1.1.0)
    actioncable (6.1.7.7)
      actionpack (= 6.1.7.7)
      activesupport (= 6.1.7.7)
      nio4r (~> 2.0)
      websocket-driver (>= 0.6.1)
    actionmailbox (6.1.7.7)
      actionpack (= 6.1.7.7)
      activejob (= 6.1.7.7)
      activerecord (= 6.1.7.7)
      activestorage (= 6.1.7.7)
      activesupport (= 6.1.7.7)
      mail (>= 2.7.1)
    actionmailer (6.1.7.7)
      actionpack (= 6.1.7.7)
      actionview (= 6.1.7.7)
      activejob (= 6.1.7.7)
      activesupport (= 6.1.7.7)
      mail (~> 2.5, >= 2.5.4)
      rails-dom-testing (~> 2.0)
    actionpack (6.1.7.7)
      actionview (= 6.1.7.7)
      activesupport (= 6.1.7.7)
      rack (~> 2.0, >= 2.0.9)
      rack-test (>= 0.6.3)
      rails-dom-testing (~> 2.0)
      rails-html-sanitizer (~> 1.0, >= 1.2.0)
    actiontext (6.1.7.7)
      actionpack (= 6.1.7.7)
      activerecord (= 6.1.7.7)
      activestorage (= 6.1.7.7)
      activesupport (= 6.1.7.7)
      nokogiri (>= 1.8.5)
    actionview (6.1.7.7)
      activesupport (= 6.1.7.7)
      builder (~> 3.1)
      erubi (~> 1.4)
      rails-dom-testing (~> 2.0)
      rails-html-sanitizer (~> 1.1, >= 1.2.0)
    activejob (6.1.7.7)
      activesupport (= 6.1.7.7)
      globalid (>= 0.3.6)
    activemodel (6.1.7.7)
      activesupport (= 6.1.7.7)
    activerecord (6.1.7.7)
      activemodel (= 6.1.7.7)
      activesupport (= 6.1.7.7)
    activerecord-postgis-adapter (7.1.1)
      activerecord (~> 6.1)
      rgeo-activerecord (~> 7.0.0)
    activestorage (6.1.7.7)
      actionpack (= 6.1.7.7)
      activejob (= 6.1.7.7)
      activerecord (= 6.1.7.7)
      activesupport (= 6.1.7.7)
      marcel (~> 1.0)
      mini_mime (>= 1.1.0)
    activesupport (6.1.7.7)
      concurrent-ruby (~> 1.0, >= 1.0.2)
      i18n (>= 1.6, < 2)
      minitest (>= 5.1)
      tzinfo (~> 2.0)
      zeitwerk (~> 2.3)
    acts_as_list (1.1.0)
      activerecord (>= 4.2)
    addressable (2.8.6)
      public_suffix (>= 2.0.2, < 6.0)
    afm (0.2.2)
    amazing_print (1.4.0)
    asciidoctor (2.0.22)
    ast (2.4.2)
    babel-source (5.8.35)
    babel-transpiler (0.7.0)
      babel-source (>= 4.0, < 6)
      execjs (~> 2.0)
    barby (0.6.9)
    base64 (0.2.0)
    bcp47_spec (0.2.1)
    bcrypt (3.1.20)
    better_errors (2.10.1)
      erubi (>= 1.0.0)
      rack (>= 0.9.0)
      rouge (>= 1.0.0)
    bibtex-ruby (6.1.0)
      latex-decode (~> 0.0)
      racc (~> 1.7)
    bigdecimal (3.1.7)
    bindex (0.8.1)
    binding_of_caller (1.0.1)
      debug_inspector (>= 1.2.0)
    brakeman (5.4.1)
    builder (3.2.4)
    byebug (11.1.3)
    capybara (3.40.0)
      addressable
      matrix
      mini_mime (>= 0.1.3)
      nokogiri (~> 1.11)
      rack (>= 1.6.0)
      rack-test (>= 0.6.3)
      regexp_parser (>= 1.5, < 3.0)
      xpath (~> 3.2)
    chartkick (4.2.1)
    chronic (0.10.2)
    chunky_png (1.4.0)
    citeproc (1.0.10)
      namae (~> 1.0)
    citeproc-ruby (1.1.14)
      citeproc (~> 1.0, >= 1.0.9)
      csl (~> 1.6)
    climate_control (0.2.0)
    closure_tree (7.4.0)
      activerecord (>= 4.2.10)
      with_advisory_lock (>= 4.0.0)
    codecov (0.6.0)
      simplecov (>= 0.15, < 0.22)
    coderay (1.1.3)
    colrapi (0.1.1)
      faraday (~> 2.2)
      faraday-follow_redirects (>= 0.1, < 0.4)
      multi_json (~> 1.15)
    concurrent-ruby (1.2.3)
    crack (1.0.0)
      bigdecimal
      rexml
    crass (1.0.6)
    csl (1.6.0)
      namae (~> 1.0)
      rexml
    csl-styles (1.0.1.11)
      csl (~> 1.0)
    daemons (1.4.1)
    database_cleaner (2.0.2)
      database_cleaner-active_record (>= 2, < 3)
    database_cleaner-active_record (2.1.0)
      activerecord (>= 5.a)
      database_cleaner-core (~> 2.0.0)
    database_cleaner-core (2.0.1)
    date (3.3.4)
    debug_inspector (1.2.0)
    delayed_job (4.1.11)
      activesupport (>= 3.0, < 8.0)
    delayed_job_active_record (4.1.8)
      activerecord (>= 3.0, < 8.0)
      delayed_job (>= 3.0, < 5)
    diff-lcs (1.5.1)
    docile (1.4.0)
    domain_name (0.6.20240107)
    dropzonejs-rails (0.8.5)
      rails (> 3.1)
    dwc_agent (3.1.1.0)
      namae (~> 1)
      namecase (~> 2)
    erubi (1.12.0)
    exception_notification (4.5.0)
      actionmailer (>= 5.2, < 8)
      activesupport (>= 5.2, < 8)
    excon (0.110.0)
    execjs (2.8.1)
    factory_bot (6.4.6)
      activesupport (>= 5.0.0)
    factory_bot_rails (6.4.3)
      factory_bot (~> 6.4)
      railties (>= 5.0.0)
    faker (2.23.0)
      i18n (>= 1.8.11, < 2)
    faraday (2.9.0)
      faraday-net_http (>= 2.0, < 3.2)
    faraday-excon (2.1.0)
      excon (>= 0.27.4)
      faraday (~> 2.0)
    faraday-follow_redirects (0.3.0)
      faraday (>= 1, < 3)
    faraday-net_http (3.1.0)
      net-http
    ffi (1.16.3)
    ffi-geos (2.4.0)
      ffi (>= 1.0.0)
    formatador (1.1.0)
    globalid (1.2.1)
      activesupport (>= 6.1)
    gnfinder (1.0.4)
      rest-client (~> 2.1)
    groupdate (5.2.4)
      activesupport (>= 5)
    guard (2.18.1)
      formatador (>= 0.2.4)
      listen (>= 2.7, < 4.0)
      lumberjack (>= 1.0.12, < 2.0)
      nenv (~> 0.1)
      notiffany (~> 0.0)
      pry (>= 0.13.0)
      shellany (~> 0.0)
      thor (>= 0.18.1)
    guard-compat (1.2.1)
    guard-rspec (4.7.3)
      guard (~> 2.1)
      guard-compat (~> 1.1)
      rspec (>= 2.99.0, < 4.0)
    hashdiff (1.1.0)
    hashery (2.1.2)
    hashie (5.0.0)
    hiredis (0.6.3)
    http-accept (1.7.0)
    http-cookie (1.0.5)
      domain_name (~> 0.5)
    i18n (1.14.4)
      concurrent-ruby (~> 1.0)
    indefinite_article (0.2.5)
      activesupport
    jbuilder (2.12.0)
      actionview (>= 5.0.0)
      activesupport (>= 5.0.0)
    jquery-rails (4.6.0)
      rails-dom-testing (>= 1, < 3)
      railties (>= 4.2.0)
      thor (>= 0.14, < 2.0)
    jquery-turbolinks (2.1.0)
      railties (>= 3.1.0)
      turbolinks
    json (2.7.2)
    kaminari (1.2.2)
      activesupport (>= 4.1.0)
      kaminari-actionview (= 1.2.2)
      kaminari-activerecord (= 1.2.2)
      kaminari-core (= 1.2.2)
    kaminari-actionview (1.2.2)
      actionview
      kaminari-core (= 1.2.2)
    kaminari-activerecord (1.2.2)
      activerecord
      kaminari-core (= 1.2.2)
    kaminari-core (1.2.2)
    language_server-protocol (3.17.0.3)
    latex-decode (0.4.0)
    link_header (0.0.8)
    listen (3.9.0)
      rb-fsevent (~> 0.10, >= 0.10.3)
      rb-inotify (~> 0.9, >= 0.9.10)
    logic_tools (0.3.9)
      parslet
    logical_query_parser (0.3.4)
      treetop (~> 1.6.8)
    loofah (2.22.0)
      crass (~> 1.0.2)
      nokogiri (>= 1.12.0)
    lumberjack (1.2.10)
    mail (2.8.1)
      mini_mime (>= 0.1.1)
      net-imap
      net-pop
      net-smtp
    marcel (1.0.4)
    matrix (0.4.2)
    method_source (1.1.0)
    mime-types (3.5.2)
      mime-types-data (~> 3.2015)
    mime-types-data (3.2024.0305)
    mimemagic (0.3.10)
      nokogiri (~> 1)
      rake
    mini_mime (1.1.5)
    minitest (5.22.3)
    modularity (3.0.1)
    multi_json (1.15.0)
    namae (1.2.0)
      racc (~> 1.7)
    namecase (2.0.0)
    nenv (0.3.0)
    net-http (0.4.1)
      uri
    net-imap (0.4.10)
      date
      net-protocol
    net-pop (0.1.2)
      net-protocol
    net-protocol (0.2.2)
      timeout
    net-smtp (0.3.4)
      net-protocol
    netrc (0.11.0)
    nio4r (2.7.1)
    nokogiri (1.16.4-x86_64-darwin)
      racc (~> 1.4)
    nokogiri (1.16.4-x86_64-linux)
      racc (~> 1.4)
    notiffany (0.1.3)
      nenv (~> 0.1)
      shellany (~> 0.0)
    observer (0.1.2)
    os (1.1.4)
    package_json (0.1.0)
    paper_trail (12.3.0)
      activerecord (>= 5.2)
      request_store (~> 1.1)
    paperclip-meta (3.1.0)
      paperclip (>= 5.0)
    parallel (1.24.0)
    parallel_tests (4.7.1)
      parallel
    parser (3.3.1.0)
      ast (~> 2.4.1)
      racc
    parslet (2.0.0)
    passenger (6.0.20)
      rack
      rake (>= 0.8.1)
    pdf-core (0.9.0)
    pdf-reader (2.12.0)
      Ascii85 (~> 1.0)
      afm (~> 0.2.1)
      hashery (~> 2.0)
      ruby-rc4
      ttfunk
    pg (1.5.6)
    pkg-config (1.5.6)
    polyglot (0.3.5)
    postgresql_cursor (0.6.8)
      activerecord (>= 6.0)
    prawn (2.4.0)
      pdf-core (~> 0.9.0)
      ttfunk (~> 1.7)
    pry (0.14.2)
      coderay (~> 1.1)
      method_source (~> 1.0)
    psych (3.3.4)
    public_suffix (5.0.5)
    puma (6.4.2)
      nio4r (~> 2.0)
    racc (1.7.3)
    rack (2.2.9)
    rack-cors (2.0.2)
      rack (>= 2.0.0)
    rack-proxy (0.7.7)
      rack
    rack-test (2.1.0)
      rack (>= 1.3)
    rails (6.1.7.7)
      actioncable (= 6.1.7.7)
      actionmailbox (= 6.1.7.7)
      actionmailer (= 6.1.7.7)
      actionpack (= 6.1.7.7)
      actiontext (= 6.1.7.7)
      actionview (= 6.1.7.7)
      activejob (= 6.1.7.7)
      activemodel (= 6.1.7.7)
      activerecord (= 6.1.7.7)
      activestorage (= 6.1.7.7)
      activesupport (= 6.1.7.7)
      bundler (>= 1.15.0)
      railties (= 6.1.7.7)
      sprockets-rails (>= 2.0.0)
    rails-controller-testing (1.0.5)
      actionpack (>= 5.0.1.rc1)
      actionview (>= 5.0.1.rc1)
      activesupport (>= 5.0.1.rc1)
    rails-dom-testing (2.2.0)
      activesupport (>= 5.0.0)
      minitest
      nokogiri (>= 1.6)
    rails-html-sanitizer (1.6.0)
      loofah (~> 2.21)
      nokogiri (~> 1.14)
    rails-jquery-autocomplete (1.0.5)
      rails (>= 3.2)
    rails_or (1.1.9)
      activerecord (>= 3)
    railties (6.1.7.7)
      actionpack (= 6.1.7.7)
      activesupport (= 6.1.7.7)
      method_source
      rake (>= 12.2)
      thor (~> 1.0)
    rainbow (3.0.0)
    rake (13.2.1)
    rb-fsevent (0.11.2)
    rb-inotify (0.10.1)
      ffi (~> 1.0)
    rdf (3.3.1)
      bcp47_spec (~> 0.2)
      link_header (~> 0.0, >= 0.0.8)
    rdoc (6.3.4.1)
    redcarpet (3.6.0)
    redis (4.8.1)
    regexp_parser (2.9.0)
    request_store (1.7.0)
      rack (>= 1.4)
    require_all (3.0.0)
    responders (3.1.1)
      actionpack (>= 5.2)
      railties (>= 5.2)
    rest-client (2.1.0)
      http-accept (>= 1.7.0, < 2.0)
      http-cookie (>= 1.0.2, < 2.0)
      mime-types (>= 1.16, < 4.0)
      netrc (~> 0.8)
    rexml (3.2.6)
    rgb (0.1.0)
    rgeo (3.0.1)
    rgeo-activerecord (7.0.1)
      activerecord (>= 5.0)
      rgeo (>= 1.0.0)
    rgeo-geojson (2.1.1)
      rgeo (>= 1.0.0)
    rgeo-proj4 (4.0.0)
      rgeo (~> 3.0.0)
    rmagick (5.5.0)
      observer (~> 0.1)
      pkg-config (~> 1.4)
    roo (2.10.1)
      nokogiri (~> 1)
      rubyzip (>= 1.3.0, < 3.0.0)
    roo-xls (1.2.0)
      nokogiri
      roo (>= 2.0.0, < 3)
      spreadsheet (> 0.9.0)
    rouge (4.2.1)
    rqrcode_core (1.2.0)
    rspec (3.13.0)
      rspec-core (~> 3.13.0)
      rspec-expectations (~> 3.13.0)
      rspec-mocks (~> 3.13.0)
    rspec-activemodel-mocks (1.1.0)
      activemodel (>= 3.0)
      activesupport (>= 3.0)
      rspec-mocks (>= 2.99, < 4.0)
    rspec-core (3.13.0)
      rspec-support (~> 3.13.0)
    rspec-expectations (3.13.0)
      diff-lcs (>= 1.2.0, < 2.0)
      rspec-support (~> 3.13.0)
    rspec-mocks (3.13.0)
      diff-lcs (>= 1.2.0, < 2.0)
      rspec-support (~> 3.13.0)
    rspec-rails (5.1.2)
      actionpack (>= 5.2)
      activesupport (>= 5.2)
      railties (>= 5.2)
      rspec-core (~> 3.10)
      rspec-expectations (~> 3.10)
      rspec-mocks (~> 3.10)
      rspec-support (~> 3.10)
    rspec-support (3.13.1)
    rtesseract (3.1.3)
    rubocop (1.63.4)
      json (~> 2.3)
      language_server-protocol (>= 3.17.0)
      parallel (~> 1.10)
      parser (>= 3.3.0.2)
      rainbow (>= 2.2.2, < 4.0)
      regexp_parser (>= 1.8, < 3.0)
      rexml (>= 3.2.5, < 4.0)
      rubocop-ast (>= 1.31.1, < 2.0)
      ruby-progressbar (~> 1.7)
      unicode-display_width (>= 2.4.0, < 3.0)
    rubocop-ast (1.31.3)
      parser (>= 3.3.1.0)
    rubocop-capybara (2.20.0)
      rubocop (~> 1.41)
    rubocop-factory_bot (2.25.1)
      rubocop (~> 1.41)
    rubocop-faker (1.1.0)
      faker (>= 2.12.0)
      rubocop (>= 0.82.0)
    rubocop-performance (1.21.0)
      rubocop (>= 1.48.1, < 2.0)
      rubocop-ast (>= 1.31.1, < 2.0)
    rubocop-rails (2.24.1)
      activesupport (>= 4.2.0)
      rack (>= 1.1)
      rubocop (>= 1.33.0, < 2.0)
      rubocop-ast (>= 1.31.1, < 2.0)
    rubocop-rspec (2.29.1)
      rubocop (~> 1.40)
      rubocop-capybara (~> 2.17)
      rubocop-factory_bot (~> 2.22)
      rubocop-rspec_rails (~> 2.28)
    rubocop-rspec_rails (2.28.3)
      rubocop (~> 1.40)
    ruby-graphviz (1.2.5)
      rexml
    ruby-ole (1.2.13.1)
    ruby-prof (1.7.0)
    ruby-progressbar (1.13.0)
    ruby-rc4 (0.1.5)
    ruby-units (2.3.2)
    rubyzip (2.3.2)
    sassc (2.4.0)
      ffi (~> 1.9)
    sassc-rails (2.1.2)
      railties (>= 4.0.0)
      sassc (>= 2.0)
      sprockets (> 3.0)
      sprockets-rails
      tilt
    sdoc (2.2.0)
      rdoc (>= 5.0)
    seedbank (0.5.0)
      rake (>= 10.0)
    selenium-webdriver (4.20.1)
      base64 (~> 0.2)
      rexml (~> 3.2, >= 3.2.5)
      rubyzip (>= 1.2.2, < 3.0)
      websocket (~> 1.0)
    semantic_range (3.0.0)
    shakapacker (7.2.3)
      activesupport (>= 5.2)
      package_json
      rack-proxy (>= 0.6.1)
      railties (>= 5.2)
      semantic_range (>= 2.3.0)
    shellany (0.0.1)
    shortener (1.0.0)
      voight_kampff (~> 1.1.2)
    simplecov (0.21.2)
      docile (~> 1.1)
      simplecov-html (~> 0.11)
      simplecov_json_formatter (~> 0.1)
    simplecov-html (0.12.3)
    simplecov_json_formatter (0.1.4)
    spreadsheet (1.3.1)
      bigdecimal
      ruby-ole
    spring (4.2.1)
    spring-commands-rspec (1.0.4)
      spring (>= 0.9.1)
    sprockets (3.7.3)
      base64
      concurrent-ruby (~> 1.0)
      rack (> 1, < 3)
    sprockets-es6 (0.9.2)
      babel-source (>= 5.8.11)
      babel-transpiler
      sprockets (>= 3.0.0)
    sprockets-rails (3.2.2)
      actionpack (>= 4.0)
      activesupport (>= 4.0)
      sprockets (>= 3.0.0)
    sqed (0.8.2)
      rake (~> 13.0)
      rmagick (~> 5.2)
      rtesseract (~> 3.1)
    sync (0.5.0)
    taxonifi (0.6.0)
      require_all (~> 3.0)
    term-ansicolor (1.8.0)
      tins (~> 1.0)
    terrapin (0.6.0)
      climate_control (>= 0.0.3, < 1.0)
    thor (1.2.2)
    tilt (2.3.0)
    timecop (0.9.8)
    timeliness (0.4.5)
    timeout (0.4.1)
    tins (1.33.0)
      bigdecimal
      sync
    treetop (1.6.12)
      polyglot (~> 0.3)
    ttfunk (1.8.0)
      bigdecimal (~> 3.1)
    turbolinks (5.2.1)
      turbolinks-source (~> 5.2)
    turbolinks-source (5.2.0)
    tzinfo (2.0.6)
      concurrent-ruby (~> 1.0)
    tzinfo-data (1.2024.1)
      tzinfo (>= 1.0.0)
    uglifier (4.2.0)
      execjs (>= 0.3.0, < 3)
    unicode-display_width (2.5.0)
    uri (0.13.0)
    validates_timeliness (4.1.1)
      timeliness (>= 0.3.10, < 1)
    vcr (6.2.0)
    waxy (0.1.1)
      tilt (~> 2.1)
    web-console (4.2.1)
      actionview (>= 6.0.0)
      activemodel (>= 6.0.0)
      bindex (>= 0.4.0)
      railties (>= 6.0.0)
    webmock (3.23.0)
      addressable (>= 2.8.0)
      crack (>= 0.3.2)
      hashdiff (>= 0.4.0, < 2.0.0)
    websocket (1.2.10)
    websocket-driver (0.7.6)
      websocket-extensions (>= 0.1.0)
    websocket-extensions (0.1.5)
    wikidata-client (0.1.0)
      excon (~> 0.92)
      faraday (~> 2.2)
      faraday-excon (~> 2.1)
      hashie (~> 5.0)
    with_advisory_lock (5.1.0)
      activerecord (>= 6.1)
      zeitwerk (>= 2.6)
    xpath (3.2.0)
      nokogiri (~> 1.8)
    zaru (0.3.0)
    zeitwerk (2.6.13)
    zip_tricks (5.6.0)

PLATFORMS
  x86_64-darwin-20
  x86_64-darwin-22
  x86_64-darwin-23
  x86_64-linux

DEPENDENCIES
  activerecord-postgis-adapter (~> 7.0)
  acts_as_list (~> 1.0)
  addressable (~> 2.8)
  amazing_print (~> 1.4.0)
  asciidoctor (~> 2.0)
  barby (~> 0.6.8)
  bcrypt (~> 3.1.11)
  best_in_place!
  better_errors (~> 2.9)
  bibtex-ruby (~> 6.0)
  binding_of_caller
  biodiversity!
  brakeman (~> 5.1, >= 4.6.1)
  bundler (~> 2.0)
  byebug (~> 11.1)
  capybara (~> 3.18)
  chartkick (~> 4.0)
  chronic (~> 0.10.2)
  chunky_png (~> 1.4.0)
  citeproc-ruby (~> 1.1.10)
  closure_tree (~> 7.0)
  codecov (~> 0.6.0)
  colrapi (~> 0.1.1)
  csl (~> 1.6.0)
  csl-styles (~> 1.0.1.8)
  daemons (~> 1.4.1)
  database_cleaner (~> 2.0)
  delayed_job_active_record (~> 4.1.3)
  dropzonejs-rails (~> 0.8.1)
  dwc-archive!
  dwc_agent (~> 3.0)
  exception_notification (~> 4.4)
  execjs (~> 2.8.1)
  factory_bot_rails (~> 6.2)
  faker (~> 2.10)
  ffi-geos (~> 2.4.0)
  gnfinder (~> 1.0)
  gpx!
  groupdate (~> 5.2)
  guard-rspec (~> 4.7.3)
  hiredis (~> 0.6.1)
  indefinite_article (~> 0.2.4)
  jbuilder (~> 2.7)
  jquery-rails (~> 4.4)
  jquery-turbolinks (~> 2.1)
  jquery-ui-rails!
  kaminari (~> 1.2.0)
  logic_tools
  logical_query_parser
  mail (~> 2.8, >= 2.8.1)
  matrix (~> 0.4.2)
  modularity (~> 3.0.0)
  namecase (~> 2.0)
  net-smtp (~> 0.3.1)
  os (~> 1.0, >= 1.0.1)
  paper_trail (~> 12.0)
  paperclip!
  paperclip-meta (~> 3.0)
  parallel (~> 1.23)
  parallel_tests
  passenger (~> 6.0.2)
  pdf-reader (~> 2.2)
  pg (~> 1.1)
  postgresql_cursor (~> 0.6.1)
  prawn (~> 2.4.0)
  psych (~> 3.3)
  puma (~> 6.3)
  rack-cors (~> 2.0)
  rails (~> 6.1)
  rails-controller-testing (~> 1.0.2)
  rails-jquery-autocomplete (~> 1.0.3)
  rails_or (~> 1.1.8)
  rainbow (~> 3.0.0)
  rake (~> 13.0)
  rdf (~> 3.0)
  redcarpet (~> 3.4)
  redis (~> 4.5)
  responders (~> 3.0)
  rgb (~> 0.1)
  rgeo (~> 3.0)
  rgeo-geojson (~> 2.1, >= 2.1.1)
  rgeo-proj4 (~> 4.0)
  rmagick (~> 5.1)
  roo (~> 2.8, >= 2.8.3)
  roo-xls (~> 1.2)
  rqrcode!
  rspec (~> 3.6)
  rspec-activemodel-mocks (~> 1.1.0)
  rspec-rails (~> 5.0)
  rubocop (~> 1.20)
  rubocop-faker (~> 1.1)
  rubocop-performance (~> 1.10)
  rubocop-rails (~> 2.4)
  rubocop-rspec (~> 2.6)
  ruby-graphviz (~> 1.2.5)
  ruby-prof (~> 1.2)
  ruby-progressbar (~> 1.11)
  ruby-units (~> 2.3.0)
  rubyzip (~> 2.3.0)
  sassc-rails (~> 2.1.0)
  sdoc (~> 2.2.0)
  seedbank (~> 0.5.0)
  selenium-webdriver (~> 4.6, >= 4.6.1)
  serrano!
  shakapacker (= 7.2.3)
  shortener (~> 1.0.0)
  simplecov
  spring-commands-rspec (~> 1.0.4)
  sprockets (~> 3.7.2)
  sprockets-es6 (~> 0.9.2)
  sprockets-rails (~> 3.2.0)
  sqed (~> 0.8.1)
  taxonifi (~> 0.6.0)
  term-ansicolor (~> 1.6)
  thor (~> 1.2)
  timecop (~> 0.9.1)
  turbolinks (~> 5.2.0)
  tzinfo-data (~> 1.2019)
  uglifier (~> 4.2)
  validates_timeliness (~> 4.1, >= 4.1.1)
  vcr (~> 6.0)
  voight_kampff!
  waxy (~> 0.1.1)
  web-console (~> 4.0, >= 4.0.1)
  webmock (~> 3.8)
  wikidata-client (~> 0.1.0.pre.rc1)
  zaru (~> 0.3.0)
  zip_tricks (~> 5.6)

RUBY VERSION
   ruby 3.2.1p31

BUNDLED WITH
   2.4.10
