GIT
  remote: https://github.com/LocoDelAssembly/dwc-archive.git
  revision: ffb0bc70d162b9910d6ad801d4e98479cbf69ac9
  branch: overhaul
  specs:
    dwc-archive (1.1.4)
      biodiversity (~> 6.0)
      nokogiri (~> 1.11)

GIT
  remote: https://github.com/LocoDelAssembly/paperclip-meta.git
  revision: 31c55c7d914d14460b8907a546bd66287cc22988
  branch: kt-paperclip
  specs:
    paperclip-meta (3.1.0)
      kt-paperclip (>= 7.0)

GIT
  remote: https://github.com/jquery-ui-rails/jquery-ui-rails.git
  revision: 7ca2fdba43405c6f593be52a792fac3ea9d24d4b
  specs:
    jquery-ui-rails (8.0.0)
      railties (>= 3.2.16)

GIT
  remote: https://github.com/mjy/rqrcode.git
  revision: 7dfe8f371ca74099148cb58d3c9054c7e39eb038
  branch: taxonworks
  specs:
    rqrcode (1.2.0)
      chunky_png (~> 1.0)
      rqrcode_core (~> 1.2)

GIT
  remote: https://github.com/mmotherwell/best_in_place
  revision: 88eb3052623a9a6cd346864d2aca05021c2f80d0
  specs:
    best_in_place (3.1.1)
      actionpack (>= 3.2)
      railties (>= 3.2)

GEM
  remote: https://rubygems.org/
  specs:
    Ascii85 (2.0.1)
    actioncable (7.2.2.1)
      actionpack (= 7.2.2.1)
      activesupport (= 7.2.2.1)
      nio4r (~> 2.0)
      websocket-driver (>= 0.6.1)
      zeitwerk (~> 2.6)
    actionmailbox (7.2.2.1)
      actionpack (= 7.2.2.1)
      activejob (= 7.2.2.1)
      activerecord (= 7.2.2.1)
      activestorage (= 7.2.2.1)
      activesupport (= 7.2.2.1)
      mail (>= 2.8.0)
    actionmailer (7.2.2.1)
      actionpack (= 7.2.2.1)
      actionview (= 7.2.2.1)
      activejob (= 7.2.2.1)
      activesupport (= 7.2.2.1)
      mail (>= 2.8.0)
      rails-dom-testing (~> 2.2)
    actionpack (7.2.2.1)
      actionview (= 7.2.2.1)
      activesupport (= 7.2.2.1)
      nokogiri (>= 1.8.5)
      racc
      rack (>= 2.2.4, < 3.2)
      rack-session (>= 1.0.1)
      rack-test (>= 0.6.3)
      rails-dom-testing (~> 2.2)
      rails-html-sanitizer (~> 1.6)
      useragent (~> 0.16)
    actiontext (7.2.2.1)
      actionpack (= 7.2.2.1)
      activerecord (= 7.2.2.1)
      activestorage (= 7.2.2.1)
      activesupport (= 7.2.2.1)
      globalid (>= 0.6.0)
      nokogiri (>= 1.8.5)
    actionview (7.2.2.1)
      activesupport (= 7.2.2.1)
      builder (~> 3.1)
      erubi (~> 1.11)
      rails-dom-testing (~> 2.2)
      rails-html-sanitizer (~> 1.6)
    activejob (7.2.2.1)
      activesupport (= 7.2.2.1)
      globalid (>= 0.3.6)
    activemodel (7.2.2.1)
      activesupport (= 7.2.2.1)
    activerecord (7.2.2.1)
      activemodel (= 7.2.2.1)
      activesupport (= 7.2.2.1)
      timeout (>= 0.4.0)
    activerecord-postgis-adapter (10.0.1)
      activerecord (~> 7.2.0)
      rgeo-activerecord (~> 8.0.0)
    activestorage (7.2.2.1)
      actionpack (= 7.2.2.1)
      activejob (= 7.2.2.1)
      activerecord (= 7.2.2.1)
      activesupport (= 7.2.2.1)
      marcel (~> 1.0)
    activesupport (7.2.2.1)
      base64
      benchmark (>= 0.3)
      bigdecimal
      concurrent-ruby (~> 1.0, >= 1.3.1)
      connection_pool (>= 2.2.5)
      drb
      i18n (>= 1.6, < 2)
      logger (>= 1.4.2)
      minitest (>= 5.1)
      securerandom (>= 0.3)
      tzinfo (~> 2.0, >= 2.0.5)
    acts_as_list (1.2.4)
      activerecord (>= 6.1)
      activesupport (>= 6.1)
    addressable (2.8.7)
      public_suffix (>= 2.0.2, < 7.0)
    afm (0.2.2)
    amazing_print (1.7.2)
    asciidoctor (2.0.23)
    ast (2.4.3)
    babel-source (5.8.35)
    babel-transpiler (0.7.0)
      babel-source (>= 4.0, < 6)
      execjs (~> 2.0)
    barby (0.6.9)
    base64 (0.2.0)
    bcp47_spec (0.2.1)
    bcrypt (3.1.20)
    benchmark (0.4.0)
    better_errors (2.10.1)
      erubi (>= 1.0.0)
      rack (>= 0.9.0)
      rouge (>= 1.0.0)
    bibtex-ruby (6.1.0)
      latex-decode (~> 0.0)
      racc (~> 1.7)
    bigdecimal (3.1.9)
    bindex (0.8.1)
    binding_of_caller (1.0.1)
      debug_inspector (>= 1.2.0)
    biodiversity (6.0.1)
      ffi (~> 1.15)
    bootsnap (1.18.4)
      msgpack (~> 1.2)
    brakeman (6.2.2)
      racc
    builder (3.3.0)
    byebug (11.1.3)
    capybara (3.40.0)
      addressable
      matrix
      mini_mime (>= 0.1.3)
      nokogiri (~> 1.11)
      rack (>= 1.6.0)
      rack-test (>= 0.6.3)
      regexp_parser (>= 1.5, < 3.0)
      xpath (~> 3.2)
    chartkick (5.1.5)
    chronic (0.10.2)
    chunky_png (1.4.0)
    citeproc (1.1.0)
      date
      forwardable
      json
      namae (~> 1.0)
      observer (< 1.0)
      open-uri (< 1.0)
    citeproc-ruby (2.1.1)
      citeproc (~> 1.0, >= 1.0.9)
      csl (~> 2.0)
      observer (< 1.0)
    climate_control (1.2.0)
    closure_tree (7.4.0)
      activerecord (>= 4.2.10)
      with_advisory_lock (>= 4.0.0)
    codecov (0.6.0)
      simplecov (>= 0.15, < 0.22)
    coderay (1.1.3)
    colrapi (0.1.6)
      faraday (~> 2.2)
      faraday-follow_redirects (>= 0.1, < 0.4)
      multi_json (~> 1.15)
    concurrent-ruby (1.3.5)
    connection_pool (2.5.3)
    crack (1.0.0)
      bigdecimal
      rexml
    crass (1.0.6)
    csl (2.1.0)
      forwardable (~> 1.3)
      namae (~> 1.2)
      open-uri (< 1.0)
      rexml (~> 3.0)
      set (~> 1.1)
      singleton (< 1.0)
      time (< 1.0)
    csl-styles (2.0.1)
      csl (~> 2.0)
    csv (3.3.4)
    daemons (1.4.1)
    database_cleaner (2.1.0)
      database_cleaner-active_record (>= 2, < 3)
    database_cleaner-active_record (2.2.0)
      activerecord (>= 5.a)
      database_cleaner-core (~> 2.0.0)
    database_cleaner-core (2.0.1)
    date (3.4.1)
    dbf (4.3.2)
      csv
    debug_inspector (1.2.0)
    delayed_job (4.1.13)
      activesupport (>= 3.0, < 9.0)
    delayed_job_active_record (4.1.11)
      activerecord (>= 3.0, < 9.0)
      delayed_job (>= 3.0, < 5)
    diff-lcs (1.6.1)
    docile (1.4.1)
    domain_name (0.6.20240107)
    drb (2.2.1)
    dropzonejs-rails (0.8.5)
      rails (> 3.1)
    dwc_agent (3.3.0.0)
      namae (~> 1)
      namecase (~> 2)
    erubi (1.13.1)
    exception_notification (4.6.0)
      actionmailer (>= 5.2, < 9)
      activesupport (>= 5.2, < 9)
    excon (0.112.0)
    execjs (2.8.1)
    factory_bot (6.5.1)
      activesupport (>= 6.1.0)
    factory_bot_rails (6.4.4)
      factory_bot (~> 6.5)
      railties (>= 5.0.0)
    faker (3.5.1)
      i18n (>= 1.8.11, < 2)
    faraday (2.13.1)
      faraday-net_http (>= 2.0, < 3.5)
      json
      logger
    faraday-excon (2.2.0)
      excon (>= 0.109.0)
      faraday (>= 2.11.0, < 3)
    faraday-follow_redirects (0.1.0)
      faraday (>= 2, < 3)
    faraday-net_http (3.4.0)
      net-http (>= 0.5.0)
    ffi (1.17.2-aarch64-linux-gnu)
    ffi (1.17.2-aarch64-linux-musl)
    ffi (1.17.2-arm-linux-gnu)
    ffi (1.17.2-arm-linux-musl)
    ffi (1.17.2-arm64-darwin)
    ffi (1.17.2-x86-linux-gnu)
    ffi (1.17.2-x86-linux-musl)
    ffi (1.17.2-x86_64-darwin)
    ffi (1.17.2-x86_64-linux-gnu)
    ffi (1.17.2-x86_64-linux-musl)
    ffi-geos (2.4.0)
      ffi (>= 1.0.0)
    formatador (1.1.0)
    forwardable (1.3.3)
    globalid (1.2.1)
      activesupport (>= 6.1)
    gnfinder (1.0.4)
      rest-client (~> 2.1)
    gpx (1.2.1)
      csv
      nokogiri (~> 1.7)
      rake
    groupdate (6.6.0)
      activesupport (>= 7.1)
    guard (2.19.1)
      formatador (>= 0.2.4)
      listen (>= 2.7, < 4.0)
      logger (~> 1.6)
      lumberjack (>= 1.0.12, < 2.0)
      nenv (~> 0.1)
      notiffany (~> 0.0)
      ostruct (~> 0.6)
      pry (>= 0.13.0)
      shellany (~> 0.0)
      thor (>= 0.18.1)
    guard-compat (1.2.1)
    guard-rspec (4.7.3)
      guard (~> 2.1)
      guard-compat (~> 1.1)
      rspec (>= 2.99.0, < 4.0)
    hashdiff (1.1.2)
    hashery (2.1.2)
    hashie (5.0.0)
    hiredis (0.6.3)
    http-accept (1.7.0)
    http-cookie (1.0.8)
      domain_name (~> 0.5)
    i18n (1.14.7)
      concurrent-ruby (~> 1.0)
    indefinite_article (0.2.5)
      activesupport
    io-console (0.8.0)
    irb (1.15.2)
      pp (>= 0.6.0)
      rdoc (>= 4.0.0)
      reline (>= 0.4.2)
    jbuilder (2.13.0)
      actionview (>= 5.0.0)
      activesupport (>= 5.0.0)
    jquery-rails (4.6.0)
      rails-dom-testing (>= 1, < 3)
      railties (>= 4.2.0)
      thor (>= 0.14, < 2.0)
    jquery-turbolinks (2.1.0)
      railties (>= 3.1.0)
      turbolinks
    json (2.11.3)
    kaminari (1.2.2)
      activesupport (>= 4.1.0)
      kaminari-actionview (= 1.2.2)
      kaminari-activerecord (= 1.2.2)
      kaminari-core (= 1.2.2)
    kaminari-actionview (1.2.2)
      actionview
      kaminari-core (= 1.2.2)
    kaminari-activerecord (1.2.2)
      activerecord
      kaminari-core (= 1.2.2)
    kaminari-core (1.2.2)
    kt-paperclip (7.2.2)
      activemodel (>= 4.2.0)
      activesupport (>= 4.2.0)
      marcel (~> 1.0.1)
      mime-types
      terrapin (>= 0.6.0, < 2.0)
    language_server-protocol (3.17.0.4)
    latex-decode (0.4.0)
    link_header (0.0.8)
    lint_roller (1.1.0)
    listen (3.9.0)
      rb-fsevent (~> 0.10, >= 0.10.3)
      rb-inotify (~> 0.9, >= 0.9.10)
    logger (1.7.0)
    logic_tools (0.3.9)
      parslet
    logical_query_parser (0.4.0)
      treetop (~> 1.6.8)
    loofah (2.24.0)
      crass (~> 1.0.2)
      nokogiri (>= 1.12.0)
    lumberjack (1.2.10)
    mail (2.8.1)
      mini_mime (>= 0.1.1)
      net-imap
      net-pop
      net-smtp
    marcel (1.0.4)
    matrix (0.4.2)
    method_source (1.1.0)
    mime-types (3.7.0)
      logger
      mime-types-data (~> 3.2025, >= 3.2025.0507)
    mime-types-data (3.2025.0507)
    mini_mime (1.1.5)
    mini_portile2 (2.8.8)
    minitest (5.25.5)
    modularity (3.0.1)
    msgpack (1.8.0)
    multi_json (1.15.0)
    namae (1.2.0)
      racc (~> 1.7)
    namecase (2.0.0)
    nenv (0.3.0)
    net-http (0.6.0)
      uri
    net-imap (0.5.8)
      date
      net-protocol
    net-pop (0.1.2)
      net-protocol
    net-protocol (0.2.2)
      timeout
    net-smtp (0.5.1)
      net-protocol
    netrc (0.11.0)
    nexus_parser (1.2.2)
    nio4r (2.7.4)
    nokogiri (1.18.8)
      mini_portile2 (~> 2.8.2)
      racc (~> 1.4)
    nokogiri (1.18.8-aarch64-linux-gnu)
      racc (~> 1.4)
    nokogiri (1.18.8-aarch64-linux-musl)
      racc (~> 1.4)
    nokogiri (1.18.8-arm-linux-gnu)
      racc (~> 1.4)
    nokogiri (1.18.8-arm-linux-musl)
      racc (~> 1.4)
    nokogiri (1.18.8-arm64-darwin)
      racc (~> 1.4)
    nokogiri (1.18.8-x86_64-darwin)
      racc (~> 1.4)
    nokogiri (1.18.8-x86_64-linux-gnu)
      racc (~> 1.4)
    nokogiri (1.18.8-x86_64-linux-musl)
      racc (~> 1.4)
    notiffany (0.1.3)
      nenv (~> 0.1)
      shellany (~> 0.0)
    observer (0.1.2)
    open-uri (0.5.0)
      stringio
      time
      uri
    os (1.1.4)
    ostruct (0.6.1)
    package_json (0.1.0)
    paper_trail (15.2.0)
      activerecord (>= 6.1)
      request_store (~> 1.4)
    parallel (1.27.0)
    parallel_tests (5.1.0)
      parallel
    parser (3.3.8.0)
      ast (~> 2.4.1)
      racc
    parslet (2.0.0)
    passenger (6.0.27)
      rack (>= 1.6.13)
      rackup (>= 1.0.1)
      rake (>= 12.3.3)
    pdf-core (0.10.0)
    pdf-reader (2.14.1)
      Ascii85 (>= 1.0, < 3.0, != 2.0.0)
      afm (~> 0.2.1)
      hashery (~> 2.0)
      ruby-rc4
      ttfunk
    pg (1.5.9)
    pkg-config (1.6.2)
    polyglot (0.3.5)
    postgresql_cursor (0.6.9)
      activerecord (>= 6.0)
    pp (0.6.2)
      prettyprint
    prawn (2.5.0)
      matrix (~> 0.4)
      pdf-core (~> 0.10.0)
      ttfunk (~> 1.8)
    prettyprint (0.2.0)
    prism (1.4.0)
    pry (0.15.2)
      coderay (~> 1.1)
      method_source (~> 1.0)
    psych (5.2.4)
      date
      stringio
    public_suffix (6.0.2)
    puma (6.6.0)
      nio4r (~> 2.0)
    racc (1.8.1)
    rack (3.1.14)
    rack-cors (2.0.2)
      rack (>= 2.0.0)
    rack-proxy (0.7.7)
      rack
    rack-session (2.1.1)
      base64 (>= 0.1.0)
      rack (>= 3.0.0)
    rack-test (2.2.0)
      rack (>= 1.3)
    rackup (2.2.1)
      rack (>= 3)
    rails (7.2.2.1)
      actioncable (= 7.2.2.1)
      actionmailbox (= 7.2.2.1)
      actionmailer (= 7.2.2.1)
      actionpack (= 7.2.2.1)
      actiontext (= 7.2.2.1)
      actionview (= 7.2.2.1)
      activejob (= 7.2.2.1)
      activemodel (= 7.2.2.1)
      activerecord (= 7.2.2.1)
      activestorage (= 7.2.2.1)
      activesupport (= 7.2.2.1)
      bundler (>= 1.15.0)
      railties (= 7.2.2.1)
    rails-controller-testing (1.0.5)
      actionpack (>= 5.0.1.rc1)
      actionview (>= 5.0.1.rc1)
      activesupport (>= 5.0.1.rc1)
    rails-dom-testing (2.2.0)
      activesupport (>= 5.0.0)
      minitest
      nokogiri (>= 1.6)
    rails-html-sanitizer (1.6.2)
      loofah (~> 2.21)
      nokogiri (>= 1.15.7, != 1.16.7, != 1.16.6, != 1.16.5, != 1.16.4, != 1.16.3, != 1.16.2, != 1.16.1, != 1.16.0.rc1, != 1.16.0)
    rails-jquery-autocomplete (1.0.5)
      rails (>= 3.2)
    rails_or (1.1.9)
      activerecord (>= 3)
    railties (7.2.2.1)
      actionpack (= 7.2.2.1)
      activesupport (= 7.2.2.1)
      irb (~> 1.13)
      rackup (>= 1.0.0)
      rake (>= 12.2)
      thor (~> 1.0, >= 1.2.2)
      zeitwerk (~> 2.6)
    rainbow (3.1.1)
    rake (13.2.1)
    rb-fsevent (0.11.2)
    rb-inotify (0.11.1)
      ffi (~> 1.0)
    rdf (3.3.2)
      bcp47_spec (~> 0.2)
      bigdecimal (~> 3.1, >= 3.1.5)
      link_header (~> 0.0, >= 0.0.8)
    rdoc (6.13.1)
      psych (>= 4.0.0)
    redcarpet (3.6.1)
    redis (4.8.1)
    regexp_parser (2.10.0)
    reline (0.6.1)
      io-console (~> 0.5)
    request_store (1.7.0)
      rack (>= 1.4)
    require_all (3.0.0)
    responders (3.1.1)
      actionpack (>= 5.2)
      railties (>= 5.2)
    rest-client (2.1.0)
      http-accept (>= 1.7.0, < 2.0)
      http-cookie (>= 1.0.2, < 2.0)
      mime-types (>= 1.16, < 4.0)
      netrc (~> 0.8)
    rexml (3.4.1)
    rgb (0.1.2)
    rgeo (3.0.1)
    rgeo-activerecord (8.0.0)
      activerecord (>= 7.0)
      rgeo (>= 3.0)
    rgeo-geojson (2.2.0)
      multi_json (~> 1.15)
      rgeo (>= 1.0.0)
    rgeo-proj4 (4.0.0)
      rgeo (~> 3.0.0)
    rgeo-shapefile (3.1.0)
      dbf (~> 4.0)
      rgeo (>= 1.0)
    rmagick (6.1.1)
      observer (~> 0.1)
      pkg-config (~> 1.4)
    roo (2.10.1)
      nokogiri (~> 1)
      rubyzip (>= 1.3.0, < 3.0.0)
    roo-xls (1.2.0)
      nokogiri
      roo (>= 2.0.0, < 3)
      spreadsheet (> 0.9.0)
    rouge (4.5.2)
    rqrcode_core (1.2.0)
    rspec (3.13.0)
      rspec-core (~> 3.13.0)
      rspec-expectations (~> 3.13.0)
      rspec-mocks (~> 3.13.0)
    rspec-activemodel-mocks (1.1.0)
      activemodel (>= 3.0)
      activesupport (>= 3.0)
      rspec-mocks (>= 2.99, < 4.0)
    rspec-core (3.13.3)
      rspec-support (~> 3.13.0)
    rspec-expectations (3.13.4)
      diff-lcs (>= 1.2.0, < 2.0)
      rspec-support (~> 3.13.0)
    rspec-mocks (3.13.4)
      diff-lcs (>= 1.2.0, < 2.0)
      rspec-support (~> 3.13.0)
    rspec-rails (6.1.5)
      actionpack (>= 6.1)
      activesupport (>= 6.1)
      railties (>= 6.1)
      rspec-core (~> 3.13)
      rspec-expectations (~> 3.13)
      rspec-mocks (~> 3.13)
      rspec-support (~> 3.13)
    rspec-support (3.13.3)
    rtesseract (3.1.4)
    rubocop (1.75.5)
      json (~> 2.3)
      language_server-protocol (~> 3.17.0.2)
      lint_roller (~> 1.1.0)
      parallel (~> 1.10)
      parser (>= 3.3.0.2)
      rainbow (>= 2.2.2, < 4.0)
      regexp_parser (>= 2.9.3, < 3.0)
      rubocop-ast (>= 1.44.0, < 2.0)
      ruby-progressbar (~> 1.7)
      unicode-display_width (>= 2.4.0, < 4.0)
    rubocop-ast (1.44.1)
      parser (>= 3.3.7.2)
      prism (~> 1.4)
    rubocop-capybara (2.22.1)
      lint_roller (~> 1.1)
      rubocop (~> 1.72, >= 1.72.1)
    rubocop-factory_bot (2.27.1)
      lint_roller (~> 1.1)
      rubocop (~> 1.72, >= 1.72.1)
    rubocop-faker (1.3.0)
      faker (>= 2.12.0)
      lint_roller (~> 1.1)
      rubocop (>= 1.72.1)
    rubocop-performance (1.25.0)
      lint_roller (~> 1.1)
      rubocop (>= 1.75.0, < 2.0)
      rubocop-ast (>= 1.38.0, < 2.0)
    rubocop-rails (2.31.0)
      activesupport (>= 4.2.0)
      lint_roller (~> 1.1)
      rack (>= 1.1)
      rubocop (>= 1.75.0, < 2.0)
      rubocop-ast (>= 1.38.0, < 2.0)
    rubocop-rspec (2.31.0)
      rubocop (~> 1.40)
      rubocop-capybara (~> 2.17)
      rubocop-factory_bot (~> 2.22)
      rubocop-rspec_rails (~> 2.28)
    rubocop-rspec_rails (2.29.1)
      rubocop (~> 1.61)
    ruby-graphviz (1.2.5)
      rexml
    ruby-ole (1.2.13.1)
    ruby-prof (1.7.1)
    ruby-progressbar (1.13.0)
    ruby-rc4 (0.1.5)
    ruby-units (2.3.2)
    rubyzip (2.3.2)
    sassc (2.4.0)
      ffi (~> 1.9)
    sassc-rails (2.1.2)
      railties (>= 4.0.0)
      sassc (>= 2.0)
      sprockets (> 3.0)
      sprockets-rails
      tilt
    sdoc (2.6.1)
      rdoc (>= 5.0)
    securerandom (0.4.1)
    seedbank (0.5.0)
      rake (>= 10.0)
    selenium-webdriver (4.32.0)
      base64 (~> 0.2)
      logger (~> 1.4)
      rexml (~> 3.2, >= 3.2.5)
      rubyzip (>= 1.2.2, < 3.0)
      websocket (~> 1.0)
    semantic_range (3.1.0)
    serrano (1.4)
      faraday (~> 2.2)
      faraday-follow_redirects (~> 0.1.0)
      multi_json (~> 1.15)
      rexml (~> 3.2, >= 3.2.5)
      thor (~> 1.2, >= 1.2.1)
    set (1.1.1)
    shakapacker (8.3.0)
      activesupport (>= 5.2)
      package_json
      rack-proxy (>= 0.6.1)
      railties (>= 5.2)
      semantic_range (>= 2.3.0)
    shellany (0.0.1)
    shortener (1.0.1)
      voight_kampff (~> 2.0)
    simplecov (0.21.2)
      docile (~> 1.1)
      simplecov-html (~> 0.11)
      simplecov_json_formatter (~> 0.1)
    simplecov-html (0.13.1)
    simplecov_json_formatter (0.1.4)
    singleton (0.3.0)
    spreadsheet (1.3.4)
      bigdecimal
      logger
      ruby-ole
    spring (4.3.0)
    spring-commands-rspec (1.0.4)
      spring (>= 0.9.1)
    sprockets (4.2.2)
      concurrent-ruby (~> 1.0)
      logger
      rack (>= 2.2.4, < 4)
    sprockets-es6 (0.9.2)
      babel-source (>= 5.8.11)
      babel-transpiler
      sprockets (>= 3.0.0)
    sprockets-rails (3.4.2)
      actionpack (>= 5.2)
      activesupport (>= 5.2)
      sprockets (>= 3.0.0)
    sqed (0.8.3)
      rake (~> 13.0)
      rmagick (~> 6.0)
      rtesseract (~> 3.1)
    stringio (3.1.7)
    taxonifi (0.6.0)
      require_all (~> 3.0)
    terrapin (1.1.0)
      climate_control
    terser (1.2.5)
      execjs (>= 0.3.0, < 3)
    thor (1.3.2)
    thruster (0.1.13)
    thruster (0.1.13-aarch64-linux)
    thruster (0.1.13-arm64-darwin)
    thruster (0.1.13-x86_64-darwin)
    thruster (0.1.13-x86_64-linux)
    tilt (2.6.0)
    time (0.4.1)
      date
    timecop (0.9.10)
    timeliness (0.5.2)
    timeout (0.4.3)
    treetop (1.6.14)
      polyglot (~> 0.3)
    ttfunk (1.8.0)
      bigdecimal (~> 3.1)
    turbolinks (5.2.1)
      turbolinks-source (~> 5.2)
    turbolinks-source (5.2.0)
    tzinfo (2.0.6)
      concurrent-ruby (~> 1.0)
    tzinfo-data (1.2025.2)
      tzinfo (>= 1.0.0)
    unicode-display_width (3.1.4)
      unicode-emoji (~> 4.0, >= 4.0.4)
    unicode-emoji (4.0.4)
    uri (1.0.3)
    useragent (0.16.11)
    validates_timeliness (7.0.0)
      activemodel (>= 7.0.0, < 8)
      timeliness (>= 0.3.10, < 1)
    vcr (6.3.1)
      base64
    voight_kampff (2.0.0)
      rack (>= 1.4)
    wahwah (1.6.6)
    waxy (0.1.1)
      tilt (~> 2.1)
    web-console (4.2.1)
      actionview (>= 6.0.0)
      activemodel (>= 6.0.0)
      bindex (>= 0.4.0)
      railties (>= 6.0.0)
    webmock (3.25.1)
      addressable (>= 2.8.0)
      crack (>= 0.3.2)
      hashdiff (>= 0.4.0, < 2.0.0)
    websocket (1.2.11)
    websocket-driver (0.7.7)
      base64
      websocket-extensions (>= 0.1.0)
    websocket-extensions (0.1.5)
    wikidata-client (0.1.0)
      excon (~> 0.92)
      faraday (~> 2.2)
      faraday-excon (~> 2.1)
      hashie (~> 5.0)
    with_advisory_lock (5.1.0)
      activerecord (>= 6.1)
      zeitwerk (>= 2.6)
    xpath (3.2.0)
      nokogiri (~> 1.8)
    zaru (1.0.0)
    zeitwerk (2.7.2)
    zip_tricks (5.6.0)

PLATFORMS
  aarch64-linux
  aarch64-linux-gnu
  aarch64-linux-musl
  arm-linux
  arm-linux-gnu
  arm-linux-musl
  arm64-darwin
  x86-linux
  x86-linux-gnu
  x86-linux-musl
  x86_64-darwin
  x86_64-linux-gnu
  x86_64-linux-musl

DEPENDENCIES
  activerecord-postgis-adapter (~> 10.0)
  acts_as_list (~> 1.0)
  addressable (~> 2.8)
  amazing_print (~> 1.5)
  asciidoctor (~> 2.0)
  barby (~> 0.6.8)
  bcrypt (~> 3.1.11)
  best_in_place!
  better_errors (~> 2.9)
  bibtex-ruby (~> 6.0)
  binding_of_caller
  biodiversity (~> 6.0)
  bootsnap
  brakeman (~> 6.1, >= 5.4)
  bundler (~> 2.5)
  byebug (~> 11.1)
  capybara (~> 3.18)
  chartkick (~> 5.0)
  chronic (~> 0.10.2)
  chunky_png (~> 1.4.0)
  citeproc-ruby (~> 2.0)
  closure_tree (~> 7.0)
  codecov (~> 0.6.0)
  colrapi (~> 0.1.1)
  csl (~> 2.0)
  csl-styles (~> 2.0.1)
  csv (~> 3.2)
  daemons (~> 1.4.1)
  database_cleaner (~> 2.0)
  delayed_job_active_record (~> 4.1.3)
  dropzonejs-rails (~> 0.8.1)
  dwc-archive!
  dwc_agent (~> 3.0)
  exception_notification (~> 4.4)
  execjs (~> 2.8.1)
  factory_bot_rails (~> 6.2)
  faker (~> 3.2)
  ffi-geos (~> 2.4.0)
  gnfinder (~> 1.0)
  gpx (~> 1.2)
  groupdate (~> 6.4)
  guard-rspec (~> 4.7.3)
  hiredis (~> 0.6.1)
  indefinite_article (~> 0.2.4)
  jbuilder (~> 2.7)
  jquery-rails (~> 4.4)
  jquery-turbolinks (~> 2.1)
  jquery-ui-rails!
  kaminari (~> 1.2.0)
  kt-paperclip (~> 7.2)
  logic_tools
  logical_query_parser
  mail (~> 2.8, >= 2.8.1)
  matrix (~> 0.4.2)
  modularity (~> 3.0.0)
  namecase (~> 2.0)
  net-smtp (~> 0.4)
  nexus_parser (~> 1.2.2)
  os (~> 1.0, >= 1.0.1)
  paper_trail (~> 15.0)
  paperclip-meta!
  parallel (~> 1.23)
  parallel_tests
  passenger (~> 6.0.2)
  pdf-reader (~> 2.2)
  pg (~> 1.1)
  postgresql_cursor (~> 0.6.1)
  prawn (~> 2.5.0)
  psych (~> 5.1)
  puma (~> 6.3)
  rack (~> 3.1.8)
  rack-cors (~> 2.0)
  rails (~> 7.2)
  rails-controller-testing (~> 1.0.2)
  rails-jquery-autocomplete (~> 1.0.3)
  rails_or (~> 1.1.8)
  rainbow (~> 3.0)
  rake (~> 13.0)
  rdf (~> 3.0)
  redcarpet (~> 3.4)
  redis (~> 4.5)
  responders (~> 3.0)
  rgb (~> 0.1)
  rgeo (~> 3.0)
  rgeo-geojson (~> 2.1, >= 2.1.1)
  rgeo-proj4 (~> 4.0)
  rgeo-shapefile (~> 3.0)
  rmagick (~> 6.0)
  roo (~> 2.8, >= 2.8.3)
  roo-xls (~> 1.2)
  rqrcode!
  rspec (~> 3.6)
  rspec-activemodel-mocks (~> 1.1.0)
  rspec-rails (~> 6.1)
  rubocop (~> 1.20)
  rubocop-faker (~> 1.1)
  rubocop-performance (~> 1.10)
  rubocop-rails (~> 2.4)
  rubocop-rspec (~> 2.6)
  ruby-graphviz (~> 1.2.5)
  ruby-prof (~> 1.2)
  ruby-progressbar (~> 1.11)
  ruby-units (~> 2.3.0)
  rubyzip (~> 2.3.0)
  sassc-rails (~> 2.1.0)
  sdoc (~> 2.6)
  seedbank (~> 0.5.0)
  selenium-webdriver (~> 4.6, >= 4.6.1)
  serrano (~> 1.4)
  shakapacker (= 8.3.0)
  shortener (~> 1.0)
  simplecov
  spring-commands-rspec (~> 1.0.4)
  sprockets (~> 4.2)
  sprockets-es6 (~> 0.9.2)
  sprockets-rails (~> 3.4.0)
  sqed (~> 0.8.3)
  taxonifi (~> 0.6.0)
  terser (~> 1.2)
  thor (~> 1.2)
  thruster
  timecop (~> 0.9.1)
  turbolinks (~> 5.2.0)
  tzinfo-data (~> 1.2019)
  validates_timeliness (~> 7.0.0.beta2)
  vcr (~> 6.0)
  wahwah (~> 1.6.6)
  waxy (~> 0.1.1)
  web-console (~> 4.0, >= 4.0.1)
  webmock (~> 3.8)
  wikidata-client (~> 0.1.0.pre.rc1)
  zaru (~> 1.0)
  zip_tricks (~> 5.6)

RUBY VERSION
   ruby 3.3.4p94

BUNDLED WITH
   2.5.23
